NUGET
  remote: https://www.nuget.org/api/v2
    FSharp.Core (4.0.0.1) - redirects: force

GROUP App
NUGET
  remote: https://www.nuget.org/api/v2
    Autofac (4.4)
      NETStandard.Library (>= 1.6) - restriction: >= netstandard1.1
      System.ComponentModel (>= 4.0.1) - restriction: >= netstandard1.1
    CsvHelper (2.16.3)
      Microsoft.CSharp (>= 4.0.1) - restriction: >= netstandard1.3
      NETStandard.Library (>= 1.6) - restriction: >= netstandard1.3
      System.Reflection.TypeExtensions (>= 4.1) - restriction: >= netstandard1.3
    Dapper (1.50.2) - restriction: || (== net45) (>= net451) (>= netstandard1.3)
      System.Collections (>= 4.0.11) - restriction: >= netstandard1.3
      System.Collections.Concurrent (>= 4.0.12) - restriction: >= netstandard1.3
      System.Collections.NonGeneric (>= 4.0.1) - restriction: >= netstandard1.3
      System.Data.SqlClient (>= 4.1) - restriction: >= netstandard1.3
      System.Dynamic.Runtime (>= 4.0.11) - restriction: >= netstandard1.3
      System.Linq (>= 4.1) - restriction: >= netstandard1.3
      System.Reflection (>= 4.1) - restriction: >= netstandard1.3
      System.Reflection.Emit (>= 4.0.1) - restriction: >= netstandard1.3
      System.Reflection.Emit.Lightweight (>= 4.0.1) - restriction: >= netstandard1.3
      System.Reflection.Extensions (>= 4.0.1) - restriction: >= netstandard1.3
      System.Reflection.TypeExtensions (>= 4.1) - restriction: >= netstandard1.3
      System.Runtime (>= 4.1) - restriction: >= netstandard1.3
      System.Runtime.Extensions (>= 4.1) - restriction: >= netstandard1.3
      System.Runtime.InteropServices (>= 4.1) - restriction: >= netstandard1.3
      System.Text.RegularExpressions (>= 4.1) - restriction: >= netstandard1.3
      System.Threading (>= 4.0.11) - restriction: >= netstandard1.3
      System.Xml.XDocument (>= 4.0.11) - restriction: >= netstandard1.3
      System.Xml.XmlDocument (>= 4.0.1) - restriction: >= netstandard1.3
    Dapper.FluentMap (1.5.1) - restriction: || (== net45) (>= net451) (>= netstandard1.3)
      Dapper (>= 1.50) - restriction: || (== net40) (>= net451) (>= netstandard1.3)
      NETStandard.Library (>= 1.6) - restriction: >= netstandard1.3
    Dapper.FluentMap.Dommel (1.4.3)
      Dapper.FluentMap (>= 1.5.1) - restriction: || (== net45) (>= net451) (>= netstandard1.3)
      Dommel (>= 1.8) - restriction: || (== net45) (>= net451) (>= netstandard1.3)
      NETStandard.Library (>= 1.6) - restriction: >= netstandard1.3
    Dommel (1.8) - restriction: || (== net45) (>= net451) (>= netstandard1.3)
      Dapper (>= 1.50.2) - restriction: || (== net45) (>= net451) (>= netstandard1.3)
      NETStandard.Library (>= 1.6) - restriction: >= netstandard1.3
      System.ComponentModel.Annotations (>= 4.1) - restriction: >= netstandard1.3
    EmitMapper (1.0)
    FluentValidation (6.2.1)
    Humanizer (2.1)
      Humanizer.Core.af (>= 2.1)
      Humanizer.Core.ar (>= 2.1)
      Humanizer.Core.bg (>= 2.1)
      Humanizer.Core.bn-BD (>= 2.1)
      Humanizer.Core.cs (>= 2.1)
      Humanizer.Core.da (>= 2.1)
      Humanizer.Core.de (>= 2.1)
      Humanizer.Core.el (>= 2.1)
      Humanizer.Core.es (>= 2.1)
      Humanizer.Core.fa (>= 2.1)
      Humanizer.Core.fi-FI (>= 2.1)
      Humanizer.Core.fr (>= 2.1)
      Humanizer.Core.fr-BE (>= 2.1)
      Humanizer.Core.he (>= 2.1)
      Humanizer.Core.hr (>= 2.1)
      Humanizer.Core.hu (>= 2.1)
      Humanizer.Core.id (>= 2.1)
      Humanizer.Core.it (>= 2.1)
      Humanizer.Core.ja (>= 2.1)
      Humanizer.Core.nb (>= 2.1)
      Humanizer.Core.nb-NO (>= 2.1)
      Humanizer.Core.nl (>= 2.1)
      Humanizer.Core.pl (>= 2.1)
      Humanizer.Core.pt (>= 2.1)
      Humanizer.Core.ro (>= 2.1)
      Humanizer.Core.ru (>= 2.1)
      Humanizer.Core.sk (>= 2.1)
      Humanizer.Core.sl (>= 2.1)
      Humanizer.Core.sr (>= 2.1)
      Humanizer.Core.sr-Latn (>= 2.1)
      Humanizer.Core.sv (>= 2.1)
      Humanizer.Core.tr (>= 2.1)
      Humanizer.Core.uk (>= 2.1)
      Humanizer.Core.uz-Cyrl-UZ (>= 2.1)
      Humanizer.Core.uz-Latn-UZ (>= 2.1)
      Humanizer.Core.vi (>= 2.1)
      Humanizer.Core.zh-CN (>= 2.1)
      Humanizer.Core.zh-Hans (>= 2.1)
      Humanizer.Core.zh-Hant (>= 2.1)
    Humanizer.Core (2.1)
      NETStandard.Library (>= 1.6) - restriction: >= netstandard1.0
    Humanizer.Core.af (2.1)
      Humanizer.Core (2.1)
    Humanizer.Core.ar (2.1)
      Humanizer.Core (2.1)
    Humanizer.Core.bg (2.1)
      Humanizer.Core (2.1)
    Humanizer.Core.bn-BD (2.1)
      Humanizer.Core (2.1)
    Humanizer.Core.cs (2.1)
      Humanizer.Core (2.1)
    Humanizer.Core.da (2.1)
      Humanizer.Core (2.1)
    Humanizer.Core.de (2.1)
      Humanizer.Core (2.1)
    Humanizer.Core.el (2.1)
      Humanizer.Core (2.1)
    Humanizer.Core.es (2.1)
      Humanizer.Core (2.1)
    Humanizer.Core.fa (2.1)
      Humanizer.Core (2.1)
    Humanizer.Core.fi-FI (2.1)
      Humanizer.Core (2.1)
    Humanizer.Core.fr (2.1)
      Humanizer.Core (2.1)
    Humanizer.Core.fr-BE (2.1)
      Humanizer.Core (2.1)
    Humanizer.Core.he (2.1)
      Humanizer.Core (2.1)
    Humanizer.Core.hr (2.1)
      Humanizer.Core (2.1)
    Humanizer.Core.hu (2.1)
      Humanizer.Core (2.1)
    Humanizer.Core.id (2.1)
      Humanizer.Core (2.1)
    Humanizer.Core.it (2.1)
      Humanizer.Core (2.1)
    Humanizer.Core.ja (2.1)
      Humanizer.Core (2.1)
    Humanizer.Core.nb (2.1)
      Humanizer.Core (2.1)
    Humanizer.Core.nb-NO (2.1)
      Humanizer.Core (2.1)
    Humanizer.Core.nl (2.1)
      Humanizer.Core (2.1)
    Humanizer.Core.pl (2.1)
      Humanizer.Core (2.1)
    Humanizer.Core.pt (2.1)
      Humanizer.Core (2.1)
    Humanizer.Core.ro (2.1)
      Humanizer.Core (2.1)
    Humanizer.Core.ru (2.1)
      Humanizer.Core (2.1)
    Humanizer.Core.sk (2.1)
      Humanizer.Core (2.1)
    Humanizer.Core.sl (2.1)
      Humanizer.Core (2.1)
    Humanizer.Core.sr (2.1)
      Humanizer.Core (2.1)
    Humanizer.Core.sr-Latn (2.1)
      Humanizer.Core (2.1)
    Humanizer.Core.sv (2.1)
      Humanizer.Core (2.1)
    Humanizer.Core.tr (2.1)
      Humanizer.Core (2.1)
    Humanizer.Core.uk (2.1)
      Humanizer.Core (2.1)
    Humanizer.Core.uz-Cyrl-UZ (2.1)
      Humanizer.Core (2.1)
    Humanizer.Core.uz-Latn-UZ (2.1)
      Humanizer.Core (2.1)
    Humanizer.Core.vi (2.1)
      Humanizer.Core (2.1)
    Humanizer.Core.zh-CN (2.1)
      Humanizer.Core (2.1)
    Humanizer.Core.zh-Hans (2.1)
      Humanizer.Core (2.1)
    Humanizer.Core.zh-Hant (2.1)
      Humanizer.Core (2.1)
    Magnum (2.1.3)
      Newtonsoft.Json (>= 6.0.5)
    ManyConsole (0.4.2.20)
      NDesk.Options (>= 0.2)
    Microsoft.CSharp (4.3) - restriction: >= netstandard1.0
      System.Collections (>= 4.3) - restriction: || (== dnxcore50) (>= netstandard1.3)
      System.Diagnostics.Debug (>= 4.3) - restriction: || (== dnxcore50) (>= netstandard1.3)
      System.Dynamic.Runtime (>= 4.3) - restriction: || (== dnxcore50) (== netstandard1.0) (>= netstandard1.3)
      System.Globalization (>= 4.3) - restriction: || (== dnxcore50) (>= netstandard1.3)
      System.Linq (>= 4.3) - restriction: || (== dnxcore50) (>= netstandard1.3)
      System.Linq.Expressions (>= 4.3) - restriction: || (== dnxcore50) (== netstandard1.0) (>= netstandard1.3)
      System.ObjectModel (>= 4.3) - restriction: || (== dnxcore50) (>= netstandard1.3)
      System.Reflection (>= 4.3) - restriction: || (== dnxcore50) (>= netstandard1.3)
      System.Reflection.Extensions (>= 4.3) - restriction: || (== dnxcore50) (>= netstandard1.3)
      System.Reflection.Primitives (>= 4.3) - restriction: || (== dnxcore50) (>= netstandard1.3)
      System.Reflection.TypeExtensions (>= 4.3) - restriction: || (== dnxcore50) (>= netstandard1.3)
      System.Resources.ResourceManager (>= 4.3) - restriction: || (== dnxcore50) (>= netstandard1.3)
      System.Runtime (>= 4.3) - restriction: || (== dnxcore50) (== netstandard1.0) (>= netstandard1.3)
      System.Runtime.Extensions (>= 4.3) - restriction: || (== dnxcore50) (>= netstandard1.3)
      System.Runtime.InteropServices (>= 4.3) - restriction: || (== dnxcore50) (>= netstandard1.3)
      System.Threading (>= 4.3) - restriction: || (== dnxcore50) (>= netstandard1.3)
    Microsoft.NETCore.Platforms (1.1) - restriction: >= netstandard1.0
    Microsoft.NETCore.Targets (1.1) - restriction: >= netstandard1.0
    Microsoft.Win32.Primitives (4.3) - restriction: || (>= net45) (>= netstandard1.3)
      Microsoft.NETCore.Platforms (>= 1.1) - restriction: >= netstandard1.3
      Microsoft.NETCore.Targets (>= 1.1) - restriction: >= netstandard1.3
      System.Runtime (>= 4.3) - restriction: >= netstandard1.3
    NDesk.Options (0.2.1)
    NETStandard.Library (1.6.1) - restriction: >= netstandard1.0
      Microsoft.NETCore.Platforms (>= 1.1) - restriction: >= netstandard1.0
      Microsoft.Win32.Primitives (>= 4.3) - restriction: >= netstandard1.3
      System.AppContext (>= 4.3) - restriction: >= netstandard1.3
      System.Collections (>= 4.3) - restriction: >= netstandard1.0
      System.Collections.Concurrent (>= 4.3) - restriction: >= netstandard1.1
      System.Console (>= 4.3) - restriction: >= netstandard1.3
      System.Diagnostics.Debug (>= 4.3) - restriction: >= netstandard1.0
      System.Diagnostics.Tools (>= 4.3) - restriction: >= netstandard1.0
      System.Diagnostics.Tracing (>= 4.3) - restriction: >= netstandard1.1
      System.Globalization (>= 4.3) - restriction: >= netstandard1.0
      System.Globalization.Calendars (>= 4.3) - restriction: >= netstandard1.3
      System.IO (>= 4.3) - restriction: >= netstandard1.0
      System.IO.Compression (>= 4.3) - restriction: >= netstandard1.1
      System.IO.Compression.ZipFile (>= 4.3) - restriction: >= netstandard1.3
      System.IO.FileSystem (>= 4.3) - restriction: >= netstandard1.3
      System.IO.FileSystem.Primitives (>= 4.3) - restriction: >= netstandard1.3
      System.Linq (>= 4.3) - restriction: >= netstandard1.0
      System.Linq.Expressions (>= 4.3) - restriction: >= netstandard1.0
      System.Net.Http (>= 4.3) - restriction: >= netstandard1.1
      System.Net.Primitives (>= 4.3) - restriction: >= netstandard1.0
      System.Net.Sockets (>= 4.3) - restriction: >= netstandard1.3
      System.ObjectModel (>= 4.3) - restriction: >= netstandard1.0
      System.Reflection (>= 4.3) - restriction: >= netstandard1.0
      System.Reflection.Extensions (>= 4.3) - restriction: >= netstandard1.0
      System.Reflection.Primitives (>= 4.3) - restriction: >= netstandard1.0
      System.Resources.ResourceManager (>= 4.3) - restriction: >= netstandard1.0
      System.Runtime (>= 4.3) - restriction: >= netstandard1.0
      System.Runtime.Extensions (>= 4.3) - restriction: >= netstandard1.0
      System.Runtime.Handles (>= 4.3) - restriction: >= netstandard1.3
      System.Runtime.InteropServices (>= 4.3) - restriction: >= netstandard1.1
      System.Runtime.InteropServices.RuntimeInformation (>= 4.3) - restriction: >= netstandard1.1
      System.Runtime.Numerics (>= 4.3) - restriction: >= netstandard1.1
      System.Security.Cryptography.Algorithms (>= 4.3) - restriction: >= netstandard1.3
      System.Security.Cryptography.Encoding (>= 4.3) - restriction: >= netstandard1.3
      System.Security.Cryptography.Primitives (>= 4.3) - restriction: >= netstandard1.3
      System.Security.Cryptography.X509Certificates (>= 4.3) - restriction: >= netstandard1.3
      System.Text.Encoding (>= 4.3) - restriction: >= netstandard1.0
      System.Text.Encoding.Extensions (>= 4.3) - restriction: >= netstandard1.0
      System.Text.RegularExpressions (>= 4.3) - restriction: >= netstandard1.0
      System.Threading (>= 4.3) - restriction: >= netstandard1.0
      System.Threading.Tasks (>= 4.3) - restriction: >= netstandard1.0
      System.Threading.Timer (>= 4.3) - restriction: >= netstandard1.2
      System.Xml.ReaderWriter (>= 4.3) - restriction: >= netstandard1.0
      System.Xml.XDocument (>= 4.3) - restriction: >= netstandard1.0
    Newtonsoft.Json (9.0.1)
      Microsoft.CSharp (>= 4.0.1) - restriction: >= netstandard1.0
      System.Collections (>= 4.0.11) - restriction: >= netstandard1.0
      System.Diagnostics.Debug (>= 4.0.11) - restriction: >= netstandard1.0
      System.Dynamic.Runtime (>= 4.0.11) - restriction: >= netstandard1.0
      System.Globalization (>= 4.0.11) - restriction: >= netstandard1.0
      System.IO (>= 4.1) - restriction: >= netstandard1.0
      System.Linq (>= 4.1) - restriction: >= netstandard1.0
      System.Linq.Expressions (>= 4.1) - restriction: >= netstandard1.0
      System.ObjectModel (>= 4.0.12) - restriction: >= netstandard1.0
      System.Reflection (>= 4.1) - restriction: >= netstandard1.0
      System.Reflection.Extensions (>= 4.0.1) - restriction: >= netstandard1.0
      System.Resources.ResourceManager (>= 4.0.1) - restriction: >= netstandard1.0
      System.Runtime (>= 4.1) - restriction: >= netstandard1.0
      System.Runtime.Extensions (>= 4.1) - restriction: >= netstandard1.0
      System.Runtime.Serialization.Primitives (>= 4.1.1) - restriction: >= netstandard1.0
      System.Text.Encoding (>= 4.0.11) - restriction: >= netstandard1.0
      System.Text.Encoding.Extensions (>= 4.0.11) - restriction: >= netstandard1.0
      System.Text.RegularExpressions (>= 4.1) - restriction: >= netstandard1.0
      System.Threading (>= 4.0.11) - restriction: >= netstandard1.0
      System.Threading.Tasks (>= 4.0.11) - restriction: >= netstandard1.0
      System.Xml.ReaderWriter (>= 4.0.11) - restriction: >= netstandard1.0
      System.Xml.XDocument (>= 4.0.11) - restriction: >= netstandard1.0
    NLog (4.4.5)
    runtime.debian.8-x64.runtime.native.System.Security.Cryptography.OpenSsl (4.3) - restriction: || (== net45) (>= net451) (>= netstandard1.3)
    runtime.fedora.23-x64.runtime.native.System.Security.Cryptography.OpenSsl (4.3) - restriction: || (== net45) (>= net451) (>= netstandard1.3)
    runtime.fedora.24-x64.runtime.native.System.Security.Cryptography.OpenSsl (4.3) - restriction: || (== net45) (>= net451) (>= netstandard1.3)
    runtime.native.System (4.3) - restriction: >= netstandard1.1
      Microsoft.NETCore.Platforms (>= 1.1)
      Microsoft.NETCore.Targets (>= 1.1)
    runtime.native.System.Data.SqlClient.sni (4.3) - restriction: || (== net45) (>= net451) (>= netstandard1.3)
      runtime.win7-x64.runtime.native.System.Data.SqlClient.sni (>= 4.3)
      runtime.win7-x86.runtime.native.System.Data.SqlClient.sni (>= 4.3)
    runtime.native.System.IO.Compression (4.3) - restriction: || (>= net45) (>= netstandard1.3)
      Microsoft.NETCore.Platforms (>= 1.1)
      Microsoft.NETCore.Targets (>= 1.1)
    runtime.native.System.Net.Http (4.3) - restriction: || (== net45) (>= net451) (>= netstandard1.6)
      Microsoft.NETCore.Platforms (>= 1.1)
      Microsoft.NETCore.Targets (>= 1.1)
    runtime.native.System.Net.Security (4.3) - restriction: || (== net45) (>= net451) (>= netstandard1.6)
      Microsoft.NETCore.Platforms (>= 1.1)
      Microsoft.NETCore.Targets (>= 1.1)
    runtime.native.System.Security.Cryptography.Apple (4.3) - restriction: || (== net45) (>= net451) (>= netstandard1.6)
      runtime.osx.10.10-x64.runtime.native.System.Security.Cryptography.Apple (>= 4.3)
    runtime.native.System.Security.Cryptography.OpenSsl (4.3) - restriction: || (== net45) (>= net451) (>= netstandard1.3)
      runtime.debian.8-x64.runtime.native.System.Security.Cryptography.OpenSsl (>= 4.3)
      runtime.fedora.23-x64.runtime.native.System.Security.Cryptography.OpenSsl (>= 4.3)
      runtime.fedora.24-x64.runtime.native.System.Security.Cryptography.OpenSsl (>= 4.3)
      runtime.opensuse.13.2-x64.runtime.native.System.Security.Cryptography.OpenSsl (>= 4.3)
      runtime.opensuse.42.1-x64.runtime.native.System.Security.Cryptography.OpenSsl (>= 4.3)
      runtime.osx.10.10-x64.runtime.native.System.Security.Cryptography.OpenSsl (>= 4.3)
      runtime.rhel.7-x64.runtime.native.System.Security.Cryptography.OpenSsl (>= 4.3)
      runtime.ubuntu.14.04-x64.runtime.native.System.Security.Cryptography.OpenSsl (>= 4.3)
      runtime.ubuntu.16.04-x64.runtime.native.System.Security.Cryptography.OpenSsl (>= 4.3)
      runtime.ubuntu.16.10-x64.runtime.native.System.Security.Cryptography.OpenSsl (>= 4.3)
    runtime.opensuse.13.2-x64.runtime.native.System.Security.Cryptography.OpenSsl (4.3) - restriction: || (== net45) (>= net451) (>= netstandard1.3)
    runtime.opensuse.42.1-x64.runtime.native.System.Security.Cryptography.OpenSsl (4.3) - restriction: || (== net45) (>= net451) (>= netstandard1.3)
    runtime.osx.10.10-x64.runtime.native.System.Security.Cryptography.Apple (4.3) - restriction: || (== net45) (>= net451) (>= netstandard1.6)
    runtime.osx.10.10-x64.runtime.native.System.Security.Cryptography.OpenSsl (4.3) - restriction: || (== net45) (>= net451) (>= netstandard1.3)
    runtime.rhel.7-x64.runtime.native.System.Security.Cryptography.OpenSsl (4.3) - restriction: || (== net45) (>= net451) (>= netstandard1.3)
    runtime.ubuntu.14.04-x64.runtime.native.System.Security.Cryptography.OpenSsl (4.3) - restriction: || (== net45) (>= net451) (>= netstandard1.3)
    runtime.ubuntu.16.04-x64.runtime.native.System.Security.Cryptography.OpenSsl (4.3) - restriction: || (== net45) (>= net451) (>= netstandard1.3)
    runtime.ubuntu.16.10-x64.runtime.native.System.Security.Cryptography.OpenSsl (4.3) - restriction: || (== net45) (>= net451) (>= netstandard1.3)
    runtime.win7-x64.runtime.native.System.Data.SqlClient.sni (4.3) - restriction: || (== net45) (>= net451) (>= netstandard1.3)
    runtime.win7-x86.runtime.native.System.Data.SqlClient.sni (4.3) - restriction: || (== net45) (>= net451) (>= netstandard1.3)
    System.AppContext (4.3) - restriction: >= netstandard1.3
      System.Runtime (>= 4.3) - restriction: || (== dnxcore50) (== netstandard1.3) (>= netstandard1.6)
    System.Buffers (4.3) - restriction: || (>= net45) (>= netstandard1.3)
      System.Diagnostics.Debug (>= 4.3) - restriction: >= netstandard1.1
      System.Diagnostics.Tracing (>= 4.3) - restriction: >= netstandard1.1
      System.Resources.ResourceManager (>= 4.3) - restriction: >= netstandard1.1
      System.Runtime (>= 4.3) - restriction: >= netstandard1.1
      System.Threading (>= 4.3) - restriction: >= netstandard1.1
    System.Collections (4.3) - restriction: >= netstandard1.0
      Microsoft.NETCore.Platforms (>= 1.1) - restriction: || (== dnxcore50) (== netstandard1.0) (>= netstandard1.3)
      Microsoft.NETCore.Targets (>= 1.1) - restriction: || (== dnxcore50) (== netstandard1.0) (>= netstandard1.3)
      System.Runtime (>= 4.3) - restriction: || (== dnxcore50) (== netstandard1.0) (>= netstandard1.3)
    System.Collections.Concurrent (4.3) - restriction: >= netstandard1.1
      System.Collections (>= 4.3) - restriction: || (== dnxcore50) (>= netstandard1.3)
      System.Diagnostics.Debug (>= 4.3) - restriction: || (== dnxcore50) (>= netstandard1.3)
      System.Diagnostics.Tracing (>= 4.3) - restriction: || (== dnxcore50) (>= netstandard1.3)
      System.Globalization (>= 4.3) - restriction: || (== dnxcore50) (>= netstandard1.3)
      System.Reflection (>= 4.3) - restriction: >= netstandard1.3
      System.Resources.ResourceManager (>= 4.3) - restriction: || (== dnxcore50) (>= netstandard1.3)
      System.Runtime (>= 4.3) - restriction: || (== dnxcore50) (== netstandard1.1) (>= netstandard1.3)
      System.Runtime.Extensions (>= 4.3) - restriction: || (== dnxcore50) (>= netstandard1.3)
      System.Threading (>= 4.3) - restriction: || (== dnxcore50) (>= netstandard1.3)
      System.Threading.Tasks (>= 4.3) - restriction: || (== dnxcore50) (== netstandard1.1) (>= netstandard1.3)
    System.Collections.NonGeneric (4.3) - restriction: || (== net45) (>= net451) (>= netstandard1.3)
      System.Diagnostics.Debug (>= 4.3) - restriction: >= netstandard1.3
      System.Globalization (>= 4.3) - restriction: >= netstandard1.3
      System.Resources.ResourceManager (>= 4.3) - restriction: >= netstandard1.3
      System.Runtime (>= 4.3) - restriction: >= netstandard1.3
      System.Runtime.Extensions (>= 4.3) - restriction: >= netstandard1.3
      System.Threading (>= 4.3) - restriction: >= netstandard1.3
    System.ComponentModel (4.3) - restriction: >= netstandard1.1
      System.Runtime (>= 4.3) - restriction: || (== dnxcore50) (== netstandard1.0) (>= netstandard1.3)
    System.ComponentModel.Annotations (4.3) - restriction: || (== net45) (>= net451) (>= netstandard1.3)
      System.Collections (>= 4.3) - restriction: || (== dnxcore50) (>= netstandard1.4)
      System.ComponentModel (>= 4.3) - restriction: || (== dnxcore50) (>= netstandard1.3)
      System.Globalization (>= 4.3) - restriction: || (== dnxcore50) (>= netstandard1.4)
      System.Linq (>= 4.3) - restriction: || (== dnxcore50) (>= netstandard1.4)
      System.Reflection (>= 4.3) - restriction: || (== dnxcore50) (>= netstandard1.4)
      System.Reflection.Extensions (>= 4.3) - restriction: || (== dnxcore50) (>= netstandard1.4)
      System.Resources.ResourceManager (>= 4.3) - restriction: || (== dnxcore50) (>= netstandard1.4)
      System.Runtime (>= 4.3) - restriction: || (== dnxcore50) (== netstandard1.1) (>= netstandard1.3)
      System.Runtime.Extensions (>= 4.3) - restriction: || (== dnxcore50) (>= netstandard1.4)
      System.Text.RegularExpressions (>= 4.3) - restriction: || (== dnxcore50) (>= netstandard1.4)
      System.Threading (>= 4.3) - restriction: || (== dnxcore50) (>= netstandard1.4)
    System.Console (4.3) - restriction: >= netstandard1.3
      Microsoft.NETCore.Platforms (>= 1.1) - restriction: >= netstandard1.3
      Microsoft.NETCore.Targets (>= 1.1) - restriction: >= netstandard1.3
      System.IO (>= 4.3) - restriction: >= netstandard1.3
      System.Runtime (>= 4.3) - restriction: >= netstandard1.3
      System.Text.Encoding (>= 4.3) - restriction: >= netstandard1.3
    System.Data.Common (4.3) - restriction: || (== net451) (>= netstandard1.3)
      System.Collections (>= 4.3) - restriction: >= netstandard1.2
      System.Globalization (>= 4.3) - restriction: >= netstandard1.2
      System.IO (>= 4.3) - restriction: >= netstandard1.2
      System.Resources.ResourceManager (>= 4.3) - restriction: >= netstandard1.2
      System.Runtime (>= 4.3) - restriction: >= netstandard1.2
      System.Runtime.Extensions (>= 4.3) - restriction: >= netstandard1.2
      System.Text.RegularExpressions (>= 4.3) - restriction: >= netstandard1.2
      System.Threading.Tasks (>= 4.3) - restriction: >= netstandard1.2
    System.Data.SqlClient (4.3) - restriction: || (== net45) (>= net451) (>= netstandard1.3)
      Microsoft.NETCore.Platforms (>= 1.1) - restriction: >= netstandard1.3
      Microsoft.Win32.Primitives (>= 4.3) - restriction: >= netstandard1.3
      runtime.native.System.Data.SqlClient.sni (>= 4.3) - restriction: >= netstandard1.3
      System.Collections (>= 4.3) - restriction: >= netstandard1.3
      System.Collections.Concurrent (>= 4.3) - restriction: >= netstandard1.3
      System.Data.Common (>= 4.3) - restriction: >= netstandard1.2
      System.Diagnostics.Debug (>= 4.3) - restriction: >= netstandard1.3
      System.Diagnostics.DiagnosticSource (>= 4.3) - restriction: >= netstandard1.3
      System.Globalization (>= 4.3) - restriction: >= netstandard1.2
      System.IO (>= 4.3) - restriction: >= netstandard1.2
      System.IO.Pipes (>= 4.3) - restriction: >= netstandard1.3
      System.Linq (>= 4.3) - restriction: >= netstandard1.3
      System.Net.NameResolution (>= 4.3) - restriction: >= netstandard1.3
      System.Net.Primitives (>= 4.3) - restriction: >= netstandard1.3
      System.Net.Security (>= 4.3) - restriction: >= netstandard1.3
      System.Net.Sockets (>= 4.3) - restriction: >= netstandard1.3
      System.Reflection (>= 4.3) - restriction: >= netstandard1.3
      System.Reflection.TypeExtensions (>= 4.3) - restriction: >= netstandard1.3
      System.Resources.ResourceManager (>= 4.3) - restriction: >= netstandard1.3
      System.Runtime (>= 4.3) - restriction: >= netstandard1.2
      System.Runtime.Extensions (>= 4.3) - restriction: >= netstandard1.3
      System.Runtime.Handles (>= 4.3) - restriction: >= netstandard1.3
      System.Runtime.InteropServices (>= 4.3) - restriction: >= netstandard1.3
      System.Runtime.InteropServices.RuntimeInformation (>= 4.3) - restriction: >= netstandard1.3
      System.Security.Cryptography.X509Certificates (>= 4.3) - restriction: >= netstandard1.3
      System.Security.Principal (>= 4.3) - restriction: >= netstandard1.3
      System.Security.Principal.Windows (>= 4.3) - restriction: >= netstandard1.3
      System.Text.Encoding (>= 4.3) - restriction: >= netstandard1.3
      System.Text.Encoding.CodePages (>= 4.3) - restriction: >= netstandard1.3
      System.Text.Encoding.Extensions (>= 4.3) - restriction: >= netstandard1.3
      System.Text.RegularExpressions (>= 4.3) - restriction: >= netstandard1.3
      System.Threading (>= 4.3) - restriction: >= netstandard1.3
      System.Threading.Tasks (>= 4.3) - restriction: >= netstandard1.2
      System.Threading.Thread (>= 4.3) - restriction: >= netstandard1.3
      System.Threading.ThreadPool (>= 4.3) - restriction: >= netstandard1.3
      System.Threading.Timer (>= 4.3) - restriction: >= netstandard1.3
      System.Xml.ReaderWriter (>= 4.3) - restriction: >= netstandard1.2
    System.Diagnostics.Debug (4.3) - restriction: >= netstandard1.0
      Microsoft.NETCore.Platforms (>= 1.1) - restriction: || (== dnxcore50) (== netstandard1.0) (>= netstandard1.3)
      Microsoft.NETCore.Targets (>= 1.1) - restriction: || (== dnxcore50) (== netstandard1.0) (>= netstandard1.3)
      System.Runtime (>= 4.3) - restriction: || (== dnxcore50) (== netstandard1.0) (>= netstandard1.3)
    System.Diagnostics.DiagnosticSource (4.3) - restriction: || (== net45) (>= net451) (>= netstandard1.3)
      System.Collections (>= 4.3) - restriction: || (== netstandard1.1) (>= netstandard1.3)
      System.Diagnostics.Tracing (>= 4.3) - restriction: || (== netstandard1.1) (>= netstandard1.3)
      System.Reflection (>= 4.3) - restriction: || (== netstandard1.1) (>= netstandard1.3)
      System.Runtime (>= 4.3) - restriction: || (== netstandard1.1) (>= netstandard1.3)
      System.Threading (>= 4.3) - restriction: || (== netstandard1.1) (>= netstandard1.3)
    System.Diagnostics.Tools (4.3) - restriction: >= netstandard1.0
      Microsoft.NETCore.Platforms (>= 1.1) - restriction: || (== dnxcore50) (>= netstandard1.0)
      Microsoft.NETCore.Targets (>= 1.1) - restriction: || (== dnxcore50) (>= netstandard1.0)
      System.Runtime (>= 4.3) - restriction: || (== dnxcore50) (>= netstandard1.0)
    System.Diagnostics.Tracing (4.3) - restriction: >= netstandard1.1
      Microsoft.NETCore.Platforms (>= 1.1) - restriction: || (== dnxcore50) (== netstandard1.1) (== netstandard1.2) (== netstandard1.3) (>= netstandard1.5)
      Microsoft.NETCore.Targets (>= 1.1) - restriction: || (== dnxcore50) (== netstandard1.1) (== netstandard1.2) (== netstandard1.3) (>= netstandard1.5)
      System.Runtime (>= 4.3) - restriction: || (== dnxcore50) (== netstandard1.1) (== netstandard1.2) (== netstandard1.3) (>= netstandard1.5)
    System.Dynamic.Runtime (4.3) - restriction: >= netstandard1.0
      System.Collections (>= 4.3) - restriction: || (== dnxcore50) (>= netstandard1.3)
      System.Diagnostics.Debug (>= 4.3) - restriction: || (== dnxcore50) (>= netstandard1.3)
      System.Linq (>= 4.3) - restriction: || (== dnxcore50) (>= netstandard1.3)
      System.Linq.Expressions (>= 4.3) - restriction: || (== dnxcore50) (== netstandard1.0) (>= netstandard1.3)
      System.ObjectModel (>= 4.3) - restriction: || (== dnxcore50) (== netstandard1.0) (>= netstandard1.3)
      System.Reflection (>= 4.3) - restriction: || (== dnxcore50) (== netstandard1.0) (>= netstandard1.3)
      System.Reflection.Emit (>= 4.3) - restriction: >= netstandard1.3
      System.Reflection.Emit.ILGeneration (>= 4.3) - restriction: >= netstandard1.3
      System.Reflection.Primitives (>= 4.3) - restriction: >= netstandard1.3
      System.Reflection.TypeExtensions (>= 4.3) - restriction: || (== dnxcore50) (>= netstandard1.3)
      System.Resources.ResourceManager (>= 4.3) - restriction: || (== dnxcore50) (>= netstandard1.3)
      System.Runtime (>= 4.3) - restriction: || (== dnxcore50) (== netstandard1.0) (>= netstandard1.3)
      System.Runtime.Extensions (>= 4.3) - restriction: || (== dnxcore50) (>= netstandard1.3)
      System.Threading (>= 4.3) - restriction: || (== dnxcore50) (>= netstandard1.3)
    System.Globalization (4.3) - restriction: >= netstandard1.0
      Microsoft.NETCore.Platforms (>= 1.1) - restriction: || (== dnxcore50) (== netstandard1.0) (>= netstandard1.3)
      Microsoft.NETCore.Targets (>= 1.1) - restriction: || (== dnxcore50) (== netstandard1.0) (>= netstandard1.3)
      System.Runtime (>= 4.3) - restriction: || (== dnxcore50) (== netstandard1.0) (>= netstandard1.3)
    System.Globalization.Calendars (4.3) - restriction: || (== net45) (>= net451) (>= netstandard1.3)
      Microsoft.NETCore.Platforms (>= 1.1) - restriction: >= netstandard1.3
      Microsoft.NETCore.Targets (>= 1.1) - restriction: >= netstandard1.3
      System.Globalization (>= 4.3) - restriction: >= netstandard1.3
      System.Runtime (>= 4.3) - restriction: >= netstandard1.3
    System.Globalization.Extensions (4.3) - restriction: || (== net45) (>= net451) (>= netstandard1.6)
      Microsoft.NETCore.Platforms (>= 1.1) - restriction: >= netstandard1.3
      System.Globalization (>= 4.3) - restriction: >= netstandard1.3
      System.Resources.ResourceManager (>= 4.3) - restriction: >= netstandard1.3
      System.Runtime (>= 4.3) - restriction: >= netstandard1.3
      System.Runtime.Extensions (>= 4.3) - restriction: >= netstandard1.3
      System.Runtime.InteropServices (>= 4.3) - restriction: >= netstandard1.3
    System.IO (4.3) - restriction: >= netstandard1.0
      Microsoft.NETCore.Platforms (>= 1.1) - restriction: || (== dnxcore50) (== netstandard1.0) (== netstandard1.3) (>= netstandard1.5)
      Microsoft.NETCore.Targets (>= 1.1) - restriction: || (== dnxcore50) (== netstandard1.0) (== netstandard1.3) (>= netstandard1.5)
      System.Runtime (>= 4.3) - restriction: || (== dnxcore50) (== netstandard1.0) (== netstandard1.3) (>= netstandard1.5)
      System.Text.Encoding (>= 4.3) - restriction: || (== dnxcore50) (== netstandard1.0) (== netstandard1.3) (>= netstandard1.5)
      System.Threading.Tasks (>= 4.3) - restriction: || (== dnxcore50) (== netstandard1.0) (== netstandard1.3) (>= netstandard1.5)
    System.IO.Compression (4.3) - restriction: >= netstandard1.1
      Microsoft.NETCore.Platforms (>= 1.1) - restriction: >= netstandard1.3
      runtime.native.System (>= 4.3) - restriction: >= netstandard1.3
      runtime.native.System.IO.Compression (>= 4.3) - restriction: || (== dnxcore50) (>= netstandard1.3)
      System.Buffers (>= 4.3) - restriction: || (== dnxcore50) (>= netstandard1.3)
      System.Collections (>= 4.3) - restriction: || (== dnxcore50) (>= netstandard1.3)
      System.Diagnostics.Debug (>= 4.3) - restriction: || (== dnxcore50) (>= netstandard1.3)
      System.IO (>= 4.3) - restriction: || (== dnxcore50) (== netstandard1.1) (>= netstandard1.3)
      System.Resources.ResourceManager (>= 4.3) - restriction: || (== dnxcore50) (>= netstandard1.3)
      System.Runtime (>= 4.3) - restriction: || (== dnxcore50) (== netstandard1.1) (>= netstandard1.3)
      System.Runtime.Extensions (>= 4.3) - restriction: || (== dnxcore50) (>= netstandard1.3)
      System.Runtime.Handles (>= 4.3) - restriction: || (== dnxcore50) (>= netstandard1.3)
      System.Runtime.InteropServices (>= 4.3) - restriction: || (== dnxcore50) (>= netstandard1.3)
      System.Text.Encoding (>= 4.3) - restriction: || (== dnxcore50) (== netstandard1.1) (>= netstandard1.3)
      System.Threading (>= 4.3) - restriction: || (== dnxcore50) (>= netstandard1.3)
      System.Threading.Tasks (>= 4.3) - restriction: || (== dnxcore50) (>= netstandard1.3)
    System.IO.Compression.ZipFile (4.3) - restriction: >= netstandard1.3
      System.Buffers (>= 4.3) - restriction: >= netstandard1.3
      System.IO (>= 4.3) - restriction: >= netstandard1.3
      System.IO.Compression (>= 4.3) - restriction: >= netstandard1.3
      System.IO.FileSystem (>= 4.3) - restriction: >= netstandard1.3
      System.IO.FileSystem.Primitives (>= 4.3) - restriction: >= netstandard1.3
      System.Resources.ResourceManager (>= 4.3) - restriction: >= netstandard1.3
      System.Runtime (>= 4.3) - restriction: >= netstandard1.3
      System.Runtime.Extensions (>= 4.3) - restriction: >= netstandard1.3
      System.Text.Encoding (>= 4.3) - restriction: >= netstandard1.3
    System.IO.FileSystem (4.3) - restriction: || (== net45) (>= net451) (>= netstandard1.3)
      Microsoft.NETCore.Platforms (>= 1.1) - restriction: >= netstandard1.3
      Microsoft.NETCore.Targets (>= 1.1) - restriction: >= netstandard1.3
      System.IO (>= 4.3) - restriction: >= netstandard1.3
      System.IO.FileSystem.Primitives (>= 4.3) - restriction: >= netstandard1.3
      System.Runtime (>= 4.3) - restriction: >= netstandard1.3
      System.Runtime.Handles (>= 4.3) - restriction: >= netstandard1.3
      System.Text.Encoding (>= 4.3) - restriction: >= netstandard1.3
      System.Threading.Tasks (>= 4.3) - restriction: >= netstandard1.3
    System.IO.FileSystem.Primitives (4.3) - restriction: || (== net45) (>= net451) (>= netstandard1.3)
      System.Runtime (>= 4.3) - restriction: >= netstandard1.3
    System.IO.Pipes (4.3) - restriction: || (== net45) (>= net451) (>= netstandard1.3)
      Microsoft.NETCore.Platforms (>= 1.1) - restriction: >= netstandard1.3
      runtime.native.System (>= 4.3) - restriction: >= netstandard1.3
      System.Buffers (>= 4.3) - restriction: >= netstandard1.3
      System.Diagnostics.Debug (>= 4.3) - restriction: >= netstandard1.3
      System.IO (>= 4.3) - restriction: >= netstandard1.3
      System.IO.FileSystem.Primitives (>= 4.3) - restriction: >= netstandard1.3
      System.Net.Primitives (>= 4.3) - restriction: >= netstandard1.3
      System.Net.Sockets (>= 4.3) - restriction: >= netstandard1.3
      System.Reflection (>= 4.3) - restriction: >= netstandard1.3
      System.Resources.ResourceManager (>= 4.3) - restriction: >= netstandard1.3
      System.Runtime (>= 4.3) - restriction: >= netstandard1.3
      System.Runtime.Extensions (>= 4.3) - restriction: >= netstandard1.3
      System.Runtime.Handles (>= 4.3) - restriction: >= netstandard1.3
      System.Runtime.InteropServices (>= 4.3) - restriction: >= netstandard1.3
      System.Security.Principal (>= 4.3) - restriction: >= netstandard1.3
      System.Text.Encoding (>= 4.3) - restriction: >= netstandard1.3
      System.Threading (>= 4.3) - restriction: >= netstandard1.3
      System.Threading.Overlapped (>= 4.3) - restriction: >= netstandard1.3
      System.Threading.Tasks (>= 4.3) - restriction: >= netstandard1.3
    System.Linq (4.3) - restriction: >= netstandard1.0
      System.Collections (>= 4.3) - restriction: || (== dnxcore50) (== netstandard1.0) (>= netstandard1.6)
      System.Diagnostics.Debug (>= 4.3) - restriction: || (== dnxcore50) (>= netstandard1.6)
      System.Resources.ResourceManager (>= 4.3) - restriction: || (== dnxcore50) (>= netstandard1.6)
      System.Runtime (>= 4.3) - restriction: || (== dnxcore50) (== netstandard1.0) (>= netstandard1.6)
      System.Runtime.Extensions (>= 4.3) - restriction: || (== dnxcore50) (>= netstandard1.6)
    System.Linq.Expressions (4.3) - restriction: >= netstandard1.0
      System.Collections (>= 4.3) - restriction: || (== dnxcore50) (>= netstandard1.6)
      System.Diagnostics.Debug (>= 4.3) - restriction: || (== dnxcore50) (>= netstandard1.6)
      System.Globalization (>= 4.3) - restriction: || (== dnxcore50) (>= netstandard1.6)
      System.IO (>= 4.3) - restriction: || (== dnxcore50) (>= netstandard1.6)
      System.Linq (>= 4.3) - restriction: || (== dnxcore50) (>= netstandard1.6)
      System.ObjectModel (>= 4.3) - restriction: >= netstandard1.6
      System.Reflection (>= 4.3) - restriction: || (== dnxcore50) (== netstandard1.0) (== netstandard1.3) (>= netstandard1.6)
      System.Reflection.Emit (>= 4.3) - restriction: >= netstandard1.6
      System.Reflection.Emit.ILGeneration (>= 4.3) - restriction: || (== dnxcore50) (>= netstandard1.6)
      System.Reflection.Emit.Lightweight (>= 4.3) - restriction: || (== dnxcore50) (>= netstandard1.6)
      System.Reflection.Extensions (>= 4.3) - restriction: || (== dnxcore50) (>= netstandard1.6)
      System.Reflection.Primitives (>= 4.3) - restriction: || (== dnxcore50) (>= netstandard1.6)
      System.Reflection.TypeExtensions (>= 4.3) - restriction: || (== dnxcore50) (>= netstandard1.6)
      System.Resources.ResourceManager (>= 4.3) - restriction: || (== dnxcore50) (>= netstandard1.6)
      System.Runtime (>= 4.3) - restriction: || (== dnxcore50) (== netstandard1.0) (== netstandard1.3) (>= netstandard1.6)
      System.Runtime.Extensions (>= 4.3) - restriction: || (== dnxcore50) (>= netstandard1.6)
      System.Threading (>= 4.3) - restriction: || (== dnxcore50) (>= netstandard1.6)
    System.Net.Http (4.3.1) - restriction: >= netstandard1.1
      Microsoft.NETCore.Platforms (>= 1.1) - restriction: || (== dnxcore50) (== netstandard1.3) (>= netstandard1.6)
      Microsoft.Win32.Primitives (>= 4.3) - restriction: == netstandard1.3
      runtime.native.System (>= 4.3) - restriction: >= netstandard1.6
      runtime.native.System.Net.Http (>= 4.3) - restriction: >= netstandard1.6
      runtime.native.System.Security.Cryptography.OpenSsl (>= 4.3) - restriction: >= netstandard1.6
      System.Collections (>= 4.3) - restriction: || (== dnxcore50) (== netstandard1.3) (>= netstandard1.6)
      System.Diagnostics.Debug (>= 4.3) - restriction: || (== dnxcore50) (== netstandard1.3) (>= netstandard1.6)
      System.Diagnostics.DiagnosticSource (>= 4.3) - restriction: || (== dnxcore50) (== netstandard1.3) (>= netstandard1.6)
      System.Diagnostics.Tracing (>= 4.3) - restriction: || (== dnxcore50) (== netstandard1.3) (>= netstandard1.6)
      System.Globalization (>= 4.3) - restriction: || (== dnxcore50) (== netstandard1.3) (>= netstandard1.6)
      System.Globalization.Extensions (>= 4.3) - restriction: >= netstandard1.6
      System.IO (>= 4.3) - restriction: || (== dnxcore50) (== netstandard1.1) (== netstandard1.3) (>= netstandard1.6)
      System.IO.Compression (>= 4.3) - restriction: == netstandard1.3
      System.IO.FileSystem (>= 4.3) - restriction: >= netstandard1.6
      System.Net.Primitives (>= 4.3) - restriction: || (== dnxcore50) (== netstandard1.1) (== netstandard1.3) (>= netstandard1.6)
      System.Resources.ResourceManager (>= 4.3) - restriction: || (== dnxcore50) (== netstandard1.3) (>= netstandard1.6)
      System.Runtime (>= 4.3) - restriction: || (== dnxcore50) (== netstandard1.1) (== netstandard1.3) (>= netstandard1.6)
      System.Runtime.Extensions (>= 4.3) - restriction: || (== dnxcore50) (== netstandard1.3) (>= netstandard1.6)
      System.Runtime.Handles (>= 4.3) - restriction: || (== netstandard1.3) (>= netstandard1.6)
      System.Runtime.InteropServices (>= 4.3) - restriction: || (== dnxcore50) (== netstandard1.3) (>= netstandard1.6)
      System.Security.Cryptography.Algorithms (>= 4.3) - restriction: >= netstandard1.6
      System.Security.Cryptography.Encoding (>= 4.3) - restriction: >= netstandard1.6
      System.Security.Cryptography.OpenSsl (>= 4.3) - restriction: >= netstandard1.6
      System.Security.Cryptography.Primitives (>= 4.3) - restriction: >= netstandard1.6
      System.Security.Cryptography.X509Certificates (>= 4.3) - restriction: || (== dnxcore50) (== netstandard1.3) (>= net46) (>= netstandard1.6)
      System.Text.Encoding (>= 4.3) - restriction: || (== dnxcore50) (== netstandard1.1) (== netstandard1.3) (>= netstandard1.6)
      System.Threading (>= 4.3) - restriction: || (== dnxcore50) (== netstandard1.3) (>= netstandard1.6)
      System.Threading.Tasks (>= 4.3) - restriction: || (== dnxcore50) (== netstandard1.1) (== netstandard1.3) (>= netstandard1.6)
    System.Net.NameResolution (4.3) - restriction: || (== net45) (>= net451) (>= netstandard1.3)
      Microsoft.NETCore.Platforms (>= 1.1) - restriction: || (== dnxcore50) (>= netstandard1.3)
      runtime.native.System (>= 4.3) - restriction: >= netstandard1.3
      System.Collections (>= 4.3) - restriction: || (== dnxcore50) (>= netstandard1.3)
      System.Diagnostics.Tracing (>= 4.3) - restriction: || (== dnxcore50) (>= netstandard1.3)
      System.Globalization (>= 4.3) - restriction: || (== dnxcore50) (>= netstandard1.3)
      System.Net.Primitives (>= 4.3) - restriction: || (== dnxcore50) (>= netstandard1.3)
      System.Resources.ResourceManager (>= 4.3) - restriction: || (== dnxcore50) (>= netstandard1.3)
      System.Runtime (>= 4.3) - restriction: || (== dnxcore50) (>= netstandard1.3)
      System.Runtime.Extensions (>= 4.3) - restriction: || (== dnxcore50) (>= netstandard1.3)
      System.Runtime.Handles (>= 4.3) - restriction: || (== dnxcore50) (>= netstandard1.3)
      System.Runtime.InteropServices (>= 4.3) - restriction: || (== dnxcore50) (>= netstandard1.3)
      System.Security.Principal.Windows (>= 4.3) - restriction: >= netstandard1.3
      System.Threading (>= 4.3) - restriction: || (== dnxcore50) (>= netstandard1.3)
      System.Threading.Tasks (>= 4.3) - restriction: || (== dnxcore50) (>= netstandard1.3)
    System.Net.Primitives (4.3) - restriction: >= netstandard1.0
      Microsoft.NETCore.Platforms (>= 1.1) - restriction: || (== dnxcore50) (== netstandard1.0) (== netstandard1.1) (>= netstandard1.3)
      Microsoft.NETCore.Targets (>= 1.1) - restriction: || (== dnxcore50) (== netstandard1.0) (== netstandard1.1) (>= netstandard1.3)
      System.Runtime (>= 4.3) - restriction: || (== dnxcore50) (== netstandard1.0) (== netstandard1.1) (>= netstandard1.3)
      System.Runtime.Handles (>= 4.3) - restriction: || (== dnxcore50) (>= netstandard1.3)
    System.Net.Security (4.3) - restriction: || (== net45) (>= net451) (>= netstandard1.3)
      Microsoft.NETCore.Platforms (>= 1.1) - restriction: || (== netstandard1.3) (>= netstandard1.6)
      Microsoft.Win32.Primitives (>= 4.3) - restriction: || (== netstandard1.3) (>= netstandard1.6)
      runtime.native.System (>= 4.3) - restriction: >= netstandard1.6
      runtime.native.System.Net.Security (>= 4.3) - restriction: >= netstandard1.6
      runtime.native.System.Security.Cryptography.OpenSsl (>= 4.3) - restriction: >= netstandard1.6
      System.Collections (>= 4.3) - restriction: || (== netstandard1.3) (>= netstandard1.6)
      System.Collections.Concurrent (>= 4.3) - restriction: || (== netstandard1.3) (>= netstandard1.6)
      System.Diagnostics.Tracing (>= 4.3) - restriction: || (== netstandard1.3) (>= netstandard1.6)
      System.Globalization (>= 4.3) - restriction: || (== netstandard1.3) (>= netstandard1.6)
      System.Globalization.Extensions (>= 4.3) - restriction: >= netstandard1.6
      System.IO (>= 4.3) - restriction: || (== netstandard1.3) (>= netstandard1.6)
      System.Net.Primitives (>= 4.3) - restriction: || (== netstandard1.3) (>= netstandard1.6)
      System.Resources.ResourceManager (>= 4.3) - restriction: || (== netstandard1.3) (>= netstandard1.6)
      System.Runtime (>= 4.3) - restriction: || (== netstandard1.3) (>= netstandard1.6)
      System.Runtime.Extensions (>= 4.3) - restriction: || (== netstandard1.3) (>= netstandard1.6)
      System.Runtime.Handles (>= 4.3) - restriction: || (== netstandard1.3) (>= netstandard1.6)
      System.Runtime.InteropServices (>= 4.3) - restriction: || (== netstandard1.3) (>= netstandard1.6)
      System.Security.Claims (>= 4.3) - restriction: || (== netstandard1.3) (>= netstandard1.6)
      System.Security.Cryptography.Algorithms (>= 4.3) - restriction: >= netstandard1.6
      System.Security.Cryptography.Encoding (>= 4.3) - restriction: || (== netstandard1.3) (>= netstandard1.6)
      System.Security.Cryptography.OpenSsl (>= 4.3) - restriction: >= netstandard1.6
      System.Security.Cryptography.Primitives (>= 4.3) - restriction: || (== netstandard1.3) (>= netstandard1.6)
      System.Security.Cryptography.X509Certificates (>= 4.3) - restriction: || (== netstandard1.3) (>= net46) (>= netstandard1.6)
      System.Security.Principal (>= 4.3) - restriction: || (== netstandard1.3) (>= netstandard1.6)
      System.Security.Principal.Windows (>= 4.3) - restriction: == netstandard1.3
      System.Text.Encoding (>= 4.3) - restriction: >= netstandard1.6
      System.Threading (>= 4.3) - restriction: || (== netstandard1.3) (>= netstandard1.6)
      System.Threading.Tasks (>= 4.3) - restriction: || (== netstandard1.3) (>= netstandard1.6)
      System.Threading.ThreadPool (>= 4.3) - restriction: || (== netstandard1.3) (>= netstandard1.6)
    System.Net.Sockets (4.3) - restriction: || (== net45) (>= net451) (>= netstandard1.3)
      Microsoft.NETCore.Platforms (>= 1.1) - restriction: >= netstandard1.3
      Microsoft.NETCore.Targets (>= 1.1) - restriction: >= netstandard1.3
      System.IO (>= 4.3) - restriction: >= netstandard1.3
      System.Net.Primitives (>= 4.3) - restriction: >= netstandard1.3
      System.Runtime (>= 4.3) - restriction: >= netstandard1.3
      System.Threading.Tasks (>= 4.3) - restriction: >= netstandard1.3
    System.ObjectModel (4.3) - restriction: >= netstandard1.0
      System.Collections (>= 4.3) - restriction: || (== dnxcore50) (>= netstandard1.3)
      System.Diagnostics.Debug (>= 4.3) - restriction: || (== dnxcore50) (>= netstandard1.3)
      System.Resources.ResourceManager (>= 4.3) - restriction: || (== dnxcore50) (>= netstandard1.3)
      System.Runtime (>= 4.3) - restriction: || (== dnxcore50) (== netstandard1.0) (>= netstandard1.3)
      System.Threading (>= 4.3) - restriction: || (== dnxcore50) (>= netstandard1.3)
    System.Reflection (4.3) - restriction: >= netstandard1.0
      Microsoft.NETCore.Platforms (>= 1.1) - restriction: || (== dnxcore50) (== netstandard1.0) (== netstandard1.3) (>= netstandard1.5)
      Microsoft.NETCore.Targets (>= 1.1) - restriction: || (== dnxcore50) (== netstandard1.0) (== netstandard1.3) (>= netstandard1.5)
      System.IO (>= 4.3) - restriction: || (== dnxcore50) (== netstandard1.0) (== netstandard1.3) (>= netstandard1.5)
      System.Reflection.Primitives (>= 4.3) - restriction: || (== dnxcore50) (== netstandard1.0) (== netstandard1.3) (>= netstandard1.5)
      System.Runtime (>= 4.3) - restriction: || (== dnxcore50) (== netstandard1.0) (== netstandard1.3) (>= netstandard1.5)
    System.Reflection.Emit (4.3) - restriction: || (== net45) (>= net451) (>= netstandard1.3)
      System.IO (>= 4.3) - restriction: >= netstandard1.1
      System.Reflection (>= 4.3) - restriction: >= netstandard1.1
      System.Reflection.Emit.ILGeneration (>= 4.3) - restriction: >= netstandard1.1
      System.Reflection.Primitives (>= 4.3) - restriction: >= netstandard1.1
      System.Runtime (>= 4.3) - restriction: >= netstandard1.1
    System.Reflection.Emit.ILGeneration (4.3) - restriction: || (== net45) (>= net451) (>= netstandard1.3)
      System.Reflection (>= 4.3) - restriction: >= netstandard1.0
      System.Reflection.Primitives (>= 4.3) - restriction: >= netstandard1.0
      System.Runtime (>= 4.3) - restriction: >= netstandard1.0
    System.Reflection.Emit.Lightweight (4.3) - restriction: || (== net45) (>= net451) (>= netstandard1.3)
      System.Reflection (>= 4.3) - restriction: >= netstandard1.0
      System.Reflection.Emit.ILGeneration (>= 4.3) - restriction: >= netstandard1.0
      System.Reflection.Primitives (>= 4.3) - restriction: >= netstandard1.0
      System.Runtime (>= 4.3) - restriction: >= netstandard1.0
    System.Reflection.Extensions (4.3) - restriction: >= netstandard1.0
      Microsoft.NETCore.Platforms (>= 1.1) - restriction: || (== dnxcore50) (>= netstandard1.0)
      Microsoft.NETCore.Targets (>= 1.1) - restriction: || (== dnxcore50) (>= netstandard1.0)
      System.Reflection (>= 4.3) - restriction: || (== dnxcore50) (>= netstandard1.0)
      System.Runtime (>= 4.3) - restriction: || (== dnxcore50) (>= netstandard1.0)
    System.Reflection.Primitives (4.3) - restriction: >= netstandard1.0
      Microsoft.NETCore.Platforms (>= 1.1) - restriction: || (== dnxcore50) (>= netstandard1.0)
      Microsoft.NETCore.Targets (>= 1.1) - restriction: || (== dnxcore50) (>= netstandard1.0)
      System.Runtime (>= 4.3) - restriction: || (== dnxcore50) (>= netstandard1.0)
    System.Reflection.TypeExtensions (4.3) - restriction: || (== net45) (>= net451) (>= netstandard1.3)
      System.Reflection (>= 4.3) - restriction: || (== dnxcore50) (== netstandard1.3) (>= netstandard1.5)
      System.Runtime (>= 4.3) - restriction: || (== dnxcore50) (== netstandard1.3) (>= netstandard1.5)
    System.Resources.ResourceManager (4.3) - restriction: >= netstandard1.0
      Microsoft.NETCore.Platforms (>= 1.1) - restriction: || (== dnxcore50) (>= netstandard1.0)
      Microsoft.NETCore.Targets (>= 1.1) - restriction: || (== dnxcore50) (>= netstandard1.0)
      System.Globalization (>= 4.3) - restriction: || (== dnxcore50) (>= netstandard1.0)
      System.Reflection (>= 4.3) - restriction: || (== dnxcore50) (>= netstandard1.0)
      System.Runtime (>= 4.3) - restriction: || (== dnxcore50) (>= netstandard1.0)
    System.Runtime (4.3) - restriction: >= netstandard1.0
      Microsoft.NETCore.Platforms (>= 1.1) - restriction: || (== dnxcore50) (== netstandard1.0) (== netstandard1.2) (== netstandard1.3) (>= netstandard1.5)
      Microsoft.NETCore.Targets (>= 1.1) - restriction: || (== dnxcore50) (== netstandard1.0) (== netstandard1.2) (== netstandard1.3) (>= netstandard1.5)
    System.Runtime.Extensions (4.3) - restriction: >= netstandard1.0
      Microsoft.NETCore.Platforms (>= 1.1) - restriction: || (== dnxcore50) (== netstandard1.0) (== netstandard1.3) (>= netstandard1.5)
      Microsoft.NETCore.Targets (>= 1.1) - restriction: || (== dnxcore50) (== netstandard1.0) (== netstandard1.3) (>= netstandard1.5)
      System.Runtime (>= 4.3) - restriction: || (== dnxcore50) (== netstandard1.0) (== netstandard1.3) (>= netstandard1.5)
    System.Runtime.Handles (4.3) - restriction: || (>= net45) (>= netstandard1.3)
      Microsoft.NETCore.Platforms (>= 1.1) - restriction: >= netstandard1.3
      Microsoft.NETCore.Targets (>= 1.1) - restriction: >= netstandard1.3
      System.Runtime (>= 4.3) - restriction: >= netstandard1.3
    System.Runtime.InteropServices (4.3) - restriction: >= netstandard1.1
      Microsoft.NETCore.Platforms (>= 1.1) - restriction: || (== dnxcore50) (== netstandard1.1) (== netstandard1.2) (== netstandard1.3) (>= netstandard1.5)
      Microsoft.NETCore.Targets (>= 1.1) - restriction: || (== dnxcore50) (== netstandard1.1) (== netstandard1.2) (== netstandard1.3) (>= netstandard1.5)
      System.Reflection (>= 4.3) - restriction: || (== dnxcore50) (== netstandard1.1) (== netstandard1.2) (== netstandard1.3) (>= netstandard1.5)
      System.Reflection.Primitives (>= 4.3) - restriction: || (== dnxcore50) (== netstandard1.1) (== netstandard1.2) (== netstandard1.3) (>= netstandard1.5)
      System.Runtime (>= 4.3) - restriction: || (== dnxcore50) (== netstandard1.1) (== netstandard1.2) (== netstandard1.3) (>= netstandard1.5)
      System.Runtime.Handles (>= 4.3) - restriction: || (== dnxcore50) (== netstandard1.3) (>= netstandard1.5)
    System.Runtime.InteropServices.RuntimeInformation (4.3) - restriction: >= netstandard1.1
      runtime.native.System (>= 4.3) - restriction: >= netstandard1.1
      System.Reflection (>= 4.3) - restriction: || (== dnxcore50) (>= netstandard1.1)
      System.Reflection.Extensions (>= 4.3) - restriction: || (== dnxcore50) (>= netstandard1.1)
      System.Resources.ResourceManager (>= 4.3) - restriction: || (== dnxcore50) (>= netstandard1.1)
      System.Runtime (>= 4.3) - restriction: || (== dnxcore50) (>= netstandard1.1)
      System.Runtime.InteropServices (>= 4.3) - restriction: >= netstandard1.1
      System.Threading (>= 4.3) - restriction: || (== dnxcore50) (>= netstandard1.1)
    System.Runtime.Numerics (4.3) - restriction: >= netstandard1.1
      System.Globalization (>= 4.3) - restriction: || (== dnxcore50) (>= netstandard1.3)
      System.Resources.ResourceManager (>= 4.3) - restriction: || (== dnxcore50) (>= netstandard1.3)
      System.Runtime (>= 4.3) - restriction: || (== dnxcore50) (== netstandard1.1) (>= netstandard1.3)
      System.Runtime.Extensions (>= 4.3) - restriction: || (== dnxcore50) (>= netstandard1.3)
    System.Runtime.Serialization.Primitives (4.3) - restriction: >= netstandard1.0
      System.Resources.ResourceManager (>= 4.3) - restriction: || (== dnxcore50) (>= netstandard1.3)
      System.Runtime (>= 4.3) - restriction: || (== dnxcore50) (== netstandard1.0) (>= netstandard1.3)
    System.Security.Claims (4.3) - restriction: || (== net45) (>= net451) (>= netstandard1.3)
      System.Collections (>= 4.3) - restriction: >= netstandard1.3
      System.Globalization (>= 4.3) - restriction: >= netstandard1.3
      System.IO (>= 4.3) - restriction: >= netstandard1.3
      System.Resources.ResourceManager (>= 4.3) - restriction: >= netstandard1.3
      System.Runtime (>= 4.3) - restriction: >= netstandard1.3
      System.Runtime.Extensions (>= 4.3) - restriction: >= netstandard1.3
      System.Security.Principal (>= 4.3) - restriction: >= netstandard1.3
    System.Security.Cryptography.Algorithms (4.3) - restriction: || (== net45) (>= net451) (>= netstandard1.3)
      Microsoft.NETCore.Platforms (>= 1.1) - restriction: || (== dnxcore50) (>= netstandard1.6)
      runtime.native.System.Security.Cryptography.Apple (>= 4.3) - restriction: >= netstandard1.6
      runtime.native.System.Security.Cryptography.OpenSsl (>= 4.3) - restriction: >= netstandard1.6
      System.Collections (>= 4.3) - restriction: >= netstandard1.6
      System.IO (>= 4.3) - restriction: || (== dnxcore50) (== netstandard1.3) (== netstandard1.4) (>= net463) (>= netstandard1.6)
      System.Resources.ResourceManager (>= 4.3) - restriction: || (== dnxcore50) (>= netstandard1.6)
      System.Runtime (>= 4.3) - restriction: || (== dnxcore50) (== netstandard1.3) (== netstandard1.4) (>= net463) (>= netstandard1.6)
      System.Runtime.Extensions (>= 4.3) - restriction: || (== dnxcore50) (>= netstandard1.6)
      System.Runtime.Handles (>= 4.3) - restriction: || (== dnxcore50) (>= netstandard1.6)
      System.Runtime.InteropServices (>= 4.3) - restriction: || (== dnxcore50) (>= netstandard1.6)
      System.Runtime.Numerics (>= 4.3) - restriction: >= netstandard1.6
      System.Security.Cryptography.Encoding (>= 4.3) - restriction: || (== dnxcore50) (>= net463) (>= netstandard1.6)
      System.Security.Cryptography.Primitives (>= 4.3) - restriction: || (== net46) (== net461) (== dnxcore50) (== netstandard1.3) (== netstandard1.4) (>= net463) (>= netstandard1.6)
      System.Text.Encoding (>= 4.3) - restriction: || (== dnxcore50) (>= netstandard1.6)
    System.Security.Cryptography.Cng (4.3) - restriction: || (== net45) (>= net451) (>= netstandard1.6)
      Microsoft.NETCore.Platforms (>= 1.1) - restriction: || (== netstandard1.4) (>= netstandard1.6)
      System.IO (>= 4.3) - restriction: || (== netstandard1.3) (== netstandard1.4) (>= netstandard1.6)
      System.Resources.ResourceManager (>= 4.3) - restriction: || (== netstandard1.4) (>= netstandard1.6)
      System.Runtime (>= 4.3) - restriction: || (== netstandard1.3) (== netstandard1.4) (>= netstandard1.6)
      System.Runtime.Extensions (>= 4.3) - restriction: || (== netstandard1.4) (>= netstandard1.6)
      System.Runtime.Handles (>= 4.3) - restriction: || (== netstandard1.3) (== netstandard1.4) (>= netstandard1.6)
      System.Runtime.InteropServices (>= 4.3) - restriction: || (== netstandard1.4) (>= netstandard1.6)
      System.Security.Cryptography.Algorithms (>= 4.3) - restriction: || (== net46) (== net461) (== netstandard1.3) (== netstandard1.4) (>= net463) (>= netstandard1.6)
      System.Security.Cryptography.Encoding (>= 4.3) - restriction: || (== netstandard1.4) (>= netstandard1.6)
      System.Security.Cryptography.Primitives (>= 4.3) - restriction: || (== net46) (== net461) (== netstandard1.3) (== netstandard1.4) (>= net463) (>= netstandard1.6)
      System.Text.Encoding (>= 4.3) - restriction: || (== netstandard1.4) (>= netstandard1.6)
    System.Security.Cryptography.Csp (4.3) - restriction: || (== net45) (>= net451) (>= netstandard1.6)
      Microsoft.NETCore.Platforms (>= 1.1) - restriction: >= netstandard1.3
      System.IO (>= 4.3) - restriction: >= netstandard1.3
      System.Reflection (>= 4.3) - restriction: >= netstandard1.3
      System.Resources.ResourceManager (>= 4.3) - restriction: >= netstandard1.3
      System.Runtime (>= 4.3) - restriction: >= netstandard1.3
      System.Runtime.Extensions (>= 4.3) - restriction: >= netstandard1.3
      System.Runtime.Handles (>= 4.3) - restriction: >= netstandard1.3
      System.Runtime.InteropServices (>= 4.3) - restriction: >= netstandard1.3
      System.Security.Cryptography.Algorithms (>= 4.3) - restriction: >= netstandard1.3
      System.Security.Cryptography.Encoding (>= 4.3) - restriction: >= netstandard1.3
      System.Security.Cryptography.Primitives (>= 4.3) - restriction: >= netstandard1.3
      System.Text.Encoding (>= 4.3) - restriction: >= netstandard1.3
      System.Threading (>= 4.3) - restriction: >= netstandard1.3
    System.Security.Cryptography.Encoding (4.3) - restriction: || (== net45) (>= net451) (>= netstandard1.3)
      Microsoft.NETCore.Platforms (>= 1.1) - restriction: >= netstandard1.3
      runtime.native.System.Security.Cryptography.OpenSsl (>= 4.3) - restriction: >= netstandard1.3
      System.Collections (>= 4.3) - restriction: >= netstandard1.3
      System.Collections.Concurrent (>= 4.3) - restriction: >= netstandard1.3
      System.Linq (>= 4.3) - restriction: >= netstandard1.3
      System.Resources.ResourceManager (>= 4.3) - restriction: >= netstandard1.3
      System.Runtime (>= 4.3) - restriction: >= netstandard1.3
      System.Runtime.Extensions (>= 4.3) - restriction: >= netstandard1.3
      System.Runtime.Handles (>= 4.3) - restriction: >= netstandard1.3
      System.Runtime.InteropServices (>= 4.3) - restriction: >= netstandard1.3
      System.Security.Cryptography.Primitives (>= 4.3) - restriction: >= netstandard1.3
      System.Text.Encoding (>= 4.3) - restriction: >= netstandard1.3
    System.Security.Cryptography.OpenSsl (4.3) - restriction: || (== net45) (>= net451) (>= netstandard1.6)
      runtime.native.System.Security.Cryptography.OpenSsl (>= 4.3)
      System.Collections (>= 4.3) - restriction: >= netstandard1.6
      System.IO (>= 4.3) - restriction: || (>= net463) (>= netstandard1.6)
      System.Resources.ResourceManager (>= 4.3) - restriction: >= netstandard1.6
      System.Runtime (>= 4.3) - restriction: || (>= net463) (>= netstandard1.6)
      System.Runtime.Extensions (>= 4.3) - restriction: || (>= net463) (>= netstandard1.6)
      System.Runtime.Handles (>= 4.3) - restriction: >= netstandard1.6
      System.Runtime.InteropServices (>= 4.3) - restriction: >= netstandard1.6
      System.Runtime.Numerics (>= 4.3) - restriction: >= netstandard1.6
      System.Security.Cryptography.Algorithms (>= 4.3) - restriction: || (>= net463) (>= netstandard1.6)
      System.Security.Cryptography.Encoding (>= 4.3) - restriction: || (>= net463) (>= netstandard1.6)
      System.Security.Cryptography.Primitives (>= 4.3) - restriction: || (>= net463) (>= netstandard1.6)
      System.Text.Encoding (>= 4.3) - restriction: >= netstandard1.6
    System.Security.Cryptography.Primitives (4.3) - restriction: || (== net45) (>= net451) (>= netstandard1.3)
      System.Diagnostics.Debug (>= 4.3) - restriction: >= netstandard1.3
      System.Globalization (>= 4.3) - restriction: >= netstandard1.3
      System.IO (>= 4.3) - restriction: >= netstandard1.3
      System.Resources.ResourceManager (>= 4.3) - restriction: >= netstandard1.3
      System.Runtime (>= 4.3) - restriction: >= netstandard1.3
      System.Threading (>= 4.3) - restriction: >= netstandard1.3
      System.Threading.Tasks (>= 4.3) - restriction: >= netstandard1.3
    System.Security.Cryptography.X509Certificates (4.3) - restriction: || (== net45) (>= net451) (>= netstandard1.3)
      Microsoft.NETCore.Platforms (>= 1.1) - restriction: || (== dnxcore50) (>= netstandard1.6)
      runtime.native.System (>= 4.3) - restriction: >= netstandard1.6
      runtime.native.System.Net.Http (>= 4.3) - restriction: >= netstandard1.6
      runtime.native.System.Security.Cryptography.OpenSsl (>= 4.3) - restriction: >= netstandard1.6
      System.Collections (>= 4.3) - restriction: || (== dnxcore50) (>= netstandard1.6)
      System.Diagnostics.Debug (>= 4.3) - restriction: >= netstandard1.6
      System.Globalization (>= 4.3) - restriction: || (== dnxcore50) (>= netstandard1.6)
      System.Globalization.Calendars (>= 4.3) - restriction: || (== dnxcore50) (>= netstandard1.6)
      System.IO (>= 4.3) - restriction: || (== dnxcore50) (>= netstandard1.6)
      System.IO.FileSystem (>= 4.3) - restriction: || (== dnxcore50) (>= netstandard1.6)
      System.IO.FileSystem.Primitives (>= 4.3) - restriction: >= netstandard1.6
      System.Resources.ResourceManager (>= 4.3) - restriction: || (== dnxcore50) (>= netstandard1.6)
      System.Runtime (>= 4.3) - restriction: || (== dnxcore50) (== netstandard1.3) (== netstandard1.4) (>= netstandard1.6)
      System.Runtime.Extensions (>= 4.3) - restriction: || (== dnxcore50) (>= netstandard1.6)
      System.Runtime.Handles (>= 4.3) - restriction: || (== dnxcore50) (== netstandard1.3) (== netstandard1.4) (>= netstandard1.6)
      System.Runtime.InteropServices (>= 4.3) - restriction: || (== dnxcore50) (>= netstandard1.6)
      System.Runtime.Numerics (>= 4.3) - restriction: || (== dnxcore50) (>= netstandard1.6)
      System.Security.Cryptography.Algorithms (>= 4.3) - restriction: || (== net46) (== dnxcore50) (== netstandard1.3) (== netstandard1.4) (>= net461) (>= netstandard1.6)
      System.Security.Cryptography.Cng (>= 4.3) - restriction: || (== dnxcore50) (>= netstandard1.6)
      System.Security.Cryptography.Csp (>= 4.3) - restriction: >= netstandard1.6
      System.Security.Cryptography.Encoding (>= 4.3) - restriction: || (== net46) (== dnxcore50) (== netstandard1.3) (== netstandard1.4) (>= net461) (>= netstandard1.6)
      System.Security.Cryptography.OpenSsl (>= 4.3) - restriction: >= netstandard1.6
      System.Security.Cryptography.Primitives (>= 4.3) - restriction: || (== dnxcore50) (>= netstandard1.6)
      System.Text.Encoding (>= 4.3) - restriction: || (== dnxcore50) (>= netstandard1.6)
      System.Threading (>= 4.3) - restriction: || (== dnxcore50) (>= netstandard1.6)
    System.Security.Principal (4.3) - restriction: || (>= net45) (>= netstandard1.3)
      System.Runtime (>= 4.3) - restriction: || (== dnxcore50) (>= netstandard1.0)
    System.Security.Principal.Windows (4.3) - restriction: || (>= net45) (>= netstandard1.3)
      Microsoft.NETCore.Platforms (>= 1.1) - restriction: >= netstandard1.3
      Microsoft.Win32.Primitives (>= 4.3) - restriction: >= netstandard1.3
      System.Collections (>= 4.3) - restriction: >= netstandard1.3
      System.Diagnostics.Debug (>= 4.3) - restriction: >= netstandard1.3
      System.Reflection (>= 4.3) - restriction: >= netstandard1.3
      System.Resources.ResourceManager (>= 4.3) - restriction: >= netstandard1.3
      System.Runtime (>= 4.3) - restriction: >= netstandard1.3
      System.Runtime.Extensions (>= 4.3) - restriction: >= netstandard1.3
      System.Runtime.Handles (>= 4.3) - restriction: >= netstandard1.3
      System.Runtime.InteropServices (>= 4.3) - restriction: >= netstandard1.3
      System.Security.Claims (>= 4.3) - restriction: >= netstandard1.3
      System.Security.Principal (>= 4.3) - restriction: >= netstandard1.3
      System.Text.Encoding (>= 4.3) - restriction: >= netstandard1.3
      System.Threading (>= 4.3) - restriction: >= netstandard1.3
    System.Text.Encoding (4.3) - restriction: >= netstandard1.0
      Microsoft.NETCore.Platforms (>= 1.1) - restriction: || (== dnxcore50) (== netstandard1.0) (>= netstandard1.3)
      Microsoft.NETCore.Targets (>= 1.1) - restriction: || (== dnxcore50) (== netstandard1.0) (>= netstandard1.3)
      System.Runtime (>= 4.3) - restriction: || (== dnxcore50) (== netstandard1.0) (>= netstandard1.3)
    System.Text.Encoding.CodePages (4.3) - restriction: || (== net45) (>= net451) (>= netstandard1.3)
      Microsoft.NETCore.Platforms (>= 1.1) - restriction: >= netstandard1.3
      System.Collections (>= 4.3) - restriction: >= netstandard1.3
      System.Globalization (>= 4.3) - restriction: >= netstandard1.3
      System.IO (>= 4.3) - restriction: >= netstandard1.3
      System.Reflection (>= 4.3) - restriction: >= netstandard1.3
      System.Resources.ResourceManager (>= 4.3) - restriction: >= netstandard1.3
      System.Runtime (>= 4.3) - restriction: >= netstandard1.3
      System.Runtime.Extensions (>= 4.3) - restriction: >= netstandard1.3
      System.Runtime.Handles (>= 4.3) - restriction: >= netstandard1.3
      System.Runtime.InteropServices (>= 4.3) - restriction: >= netstandard1.3
      System.Text.Encoding (>= 4.3) - restriction: >= netstandard1.3
      System.Threading (>= 4.3) - restriction: >= netstandard1.3
    System.Text.Encoding.Extensions (4.3) - restriction: >= netstandard1.0
      Microsoft.NETCore.Platforms (>= 1.1) - restriction: || (== dnxcore50) (== netstandard1.0) (>= netstandard1.3)
      Microsoft.NETCore.Targets (>= 1.1) - restriction: || (== dnxcore50) (== netstandard1.0) (>= netstandard1.3)
      System.Runtime (>= 4.3) - restriction: || (== dnxcore50) (== netstandard1.0) (>= netstandard1.3)
      System.Text.Encoding (>= 4.3) - restriction: || (== dnxcore50) (== netstandard1.0) (>= netstandard1.3)
    System.Text.RegularExpressions (4.3) - restriction: >= netstandard1.0
      System.Collections (>= 4.3) - restriction: || (== dnxcore50) (>= netstandard1.6)
      System.Globalization (>= 4.3) - restriction: || (== dnxcore50) (>= netstandard1.6)
      System.Resources.ResourceManager (>= 4.3) - restriction: || (== dnxcore50) (>= netstandard1.6)
      System.Runtime (>= 4.3) - restriction: || (== dnxcore50) (== netstandard1.0) (== netstandard1.3) (>= netstandard1.6)
      System.Runtime.Extensions (>= 4.3) - restriction: || (== dnxcore50) (>= netstandard1.6)
      System.Threading (>= 4.3) - restriction: || (== dnxcore50) (>= netstandard1.6)
    System.Threading (4.3) - restriction: >= netstandard1.0
      System.Runtime (>= 4.3) - restriction: || (== dnxcore50) (== netstandard1.0) (>= netstandard1.3)
      System.Threading.Tasks (>= 4.3) - restriction: || (== dnxcore50) (== netstandard1.0) (>= netstandard1.3)
    System.Threading.Overlapped (4.3) - restriction: || (== net45) (>= net451) (>= netstandard1.3)
      Microsoft.NETCore.Platforms (>= 1.1) - restriction: || (== dnxcore50) (>= netstandard1.3)
      System.Resources.ResourceManager (>= 4.3) - restriction: || (== dnxcore50) (>= netstandard1.3)
      System.Runtime (>= 4.3) - restriction: || (== dnxcore50) (>= netstandard1.3)
      System.Runtime.Handles (>= 4.3) - restriction: || (== dnxcore50) (>= netstandard1.3)
    System.Threading.Tasks (4.3) - restriction: >= netstandard1.0
      Microsoft.NETCore.Platforms (>= 1.1) - restriction: || (== dnxcore50) (== netstandard1.0) (>= netstandard1.3)
      Microsoft.NETCore.Targets (>= 1.1) - restriction: || (== dnxcore50) (== netstandard1.0) (>= netstandard1.3)
      System.Runtime (>= 4.3) - restriction: || (== dnxcore50) (== netstandard1.0) (>= netstandard1.3)
    System.Threading.Tasks.Extensions (4.3) - restriction: || (== net45) (>= net451) (>= netstandard1.3)
      System.Collections (>= 4.3) - restriction: >= netstandard1.0
      System.Runtime (>= 4.3) - restriction: >= netstandard1.0
      System.Threading.Tasks (>= 4.3) - restriction: >= netstandard1.0
    System.Threading.Thread (4.3) - restriction: || (== net45) (>= net451) (>= netstandard1.3)
      System.Runtime (>= 4.3) - restriction: >= netstandard1.3
    System.Threading.ThreadPool (4.3) - restriction: || (== net45) (>= net451) (>= netstandard1.3)
      System.Runtime (>= 4.3) - restriction: >= netstandard1.3
      System.Runtime.Handles (>= 4.3) - restriction: >= netstandard1.3
    System.Threading.Timer (4.3) - restriction: || (== net45) (>= netstandard1.2)
      Microsoft.NETCore.Platforms (>= 1.1) - restriction: || (== dnxcore50) (>= netstandard1.2)
      Microsoft.NETCore.Targets (>= 1.1) - restriction: || (== dnxcore50) (>= netstandard1.2)
      System.Runtime (>= 4.3) - restriction: || (== dnxcore50) (>= netstandard1.2)
    System.Xml.ReaderWriter (4.3) - restriction: >= netstandard1.0
      System.Collections (>= 4.3) - restriction: || (== dnxcore50) (>= netstandard1.3)
      System.Diagnostics.Debug (>= 4.3) - restriction: || (== dnxcore50) (>= netstandard1.3)
      System.Globalization (>= 4.3) - restriction: || (== dnxcore50) (>= netstandard1.3)
      System.IO (>= 4.3) - restriction: || (== dnxcore50) (== netstandard1.0) (>= netstandard1.3)
      System.IO.FileSystem (>= 4.3) - restriction: || (== dnxcore50) (>= netstandard1.3)
      System.IO.FileSystem.Primitives (>= 4.3) - restriction: || (== dnxcore50) (>= netstandard1.3)
      System.Resources.ResourceManager (>= 4.3) - restriction: || (== dnxcore50) (>= netstandard1.3)
      System.Runtime (>= 4.3) - restriction: || (== dnxcore50) (== netstandard1.0) (>= netstandard1.3)
      System.Runtime.Extensions (>= 4.3) - restriction: || (== dnxcore50) (>= netstandard1.3)
      System.Runtime.InteropServices (>= 4.3) - restriction: || (== dnxcore50) (>= netstandard1.3)
      System.Text.Encoding (>= 4.3) - restriction: || (== dnxcore50) (== netstandard1.0) (>= netstandard1.3)
      System.Text.Encoding.Extensions (>= 4.3) - restriction: || (== dnxcore50) (>= netstandard1.3)
      System.Text.RegularExpressions (>= 4.3) - restriction: || (== dnxcore50) (>= netstandard1.3)
      System.Threading.Tasks (>= 4.3) - restriction: || (== dnxcore50) (== netstandard1.0) (>= netstandard1.3)
      System.Threading.Tasks.Extensions (>= 4.3) - restriction: || (== dnxcore50) (>= netstandard1.3)
    System.Xml.XDocument (4.3) - restriction: >= netstandard1.0
      System.Collections (>= 4.3) - restriction: || (== dnxcore50) (>= netstandard1.3)
      System.Diagnostics.Debug (>= 4.3) - restriction: || (== dnxcore50) (>= netstandard1.3)
      System.Diagnostics.Tools (>= 4.3) - restriction: || (== dnxcore50) (>= netstandard1.3)
      System.Globalization (>= 4.3) - restriction: || (== dnxcore50) (>= netstandard1.3)
      System.IO (>= 4.3) - restriction: || (== dnxcore50) (== netstandard1.0) (>= netstandard1.3)
      System.Reflection (>= 4.3) - restriction: || (== dnxcore50) (>= netstandard1.3)
      System.Resources.ResourceManager (>= 4.3) - restriction: || (== dnxcore50) (>= netstandard1.3)
      System.Runtime (>= 4.3) - restriction: || (== dnxcore50) (== netstandard1.0) (>= netstandard1.3)
      System.Runtime.Extensions (>= 4.3) - restriction: || (== dnxcore50) (>= netstandard1.3)
      System.Text.Encoding (>= 4.3) - restriction: || (== dnxcore50) (>= netstandard1.3)
      System.Threading (>= 4.3) - restriction: || (== dnxcore50) (>= netstandard1.3)
      System.Xml.ReaderWriter (>= 4.3) - restriction: || (== dnxcore50) (== netstandard1.0) (>= netstandard1.3)
    System.Xml.XmlDocument (4.3) - restriction: || (== net45) (>= net451) (>= netstandard1.3)
      System.Collections (>= 4.3) - restriction: >= netstandard1.3
      System.Diagnostics.Debug (>= 4.3) - restriction: >= netstandard1.3
      System.Globalization (>= 4.3) - restriction: >= netstandard1.3
      System.IO (>= 4.3) - restriction: >= netstandard1.3
      System.Resources.ResourceManager (>= 4.3) - restriction: >= netstandard1.3
      System.Runtime (>= 4.3) - restriction: >= netstandard1.3
      System.Runtime.Extensions (>= 4.3) - restriction: >= netstandard1.3
      System.Text.Encoding (>= 4.3) - restriction: >= netstandard1.3
      System.Threading (>= 4.3) - restriction: >= netstandard1.3
      System.Xml.ReaderWriter (>= 4.3) - restriction: >= netstandard1.3

GROUP Build
NUGET
  remote: https://www.nuget.org/api/v2
    FAKE (4.50)
    FSharp.Compiler.Service (2.0.0.6)
    FSharp.Formatting (2.14.4)
      FSharp.Compiler.Service (2.0.0.6)
      FSharpVSPowerTools.Core (>= 2.3 < 2.4)
    FSharpVSPowerTools.Core (2.3)
      FSharp.Compiler.Service (>= 2.0.0.3)
    Microsoft.Bcl (1.1.10) - restriction: || (== net10) (== net11) (== net20) (== net30) (== net35) (== net40)
      Microsoft.Bcl.Build (>= 1.0.14)
    Microsoft.Bcl.Build (1.0.21) - import_targets: false, restriction: || (== net10) (== net11) (== net20) (== net30) (== net35) (== net40)
    Microsoft.Net.Http (2.2.29) - restriction: || (== net10) (== net11) (== net20) (== net30) (== net35) (== net40)
      Microsoft.Bcl (>= 1.1.10)
      Microsoft.Bcl.Build (>= 1.0.14)
    Octokit (0.24)
      Microsoft.Net.Http  - restriction: || (== net10) (== net11) (== net20) (== net30) (== net35) (== net40)
    SourceLink.Fake (1.1)
GITHUB
  remote: fsharp/FAKE
    modules/Octokit/Octokit.fsx (e842705560e95dd75dd2c6a78fb1ae62db545297)
      Octokit (>= 0.20)
GROUP Db
NUGET
  remote: https://www.nuget.org/api/v2
    Microsoft.SqlServer.DacFx.x64 (130.3485.1)

GROUP Test
NUGET
  remote: https://www.nuget.org/api/v2
    FluentAssertions (4.19.2)
      NETStandard.Library (>= 1.6) - restriction: >= netstandard1.3
      System.Reflection.TypeExtensions (>= 4.1) - restriction: >= netstandard1.3
    Microsoft.NETCore.Platforms (1.1) - restriction: >= netstandard1.3
    Microsoft.NETCore.Targets (1.1) - restriction: >= netstandard1.3
    Microsoft.Win32.Primitives (4.3) - restriction: >= netstandard1.3
      Microsoft.NETCore.Platforms (>= 1.1) - restriction: >= netstandard1.3
      Microsoft.NETCore.Targets (>= 1.1) - restriction: >= netstandard1.3
      System.Runtime (>= 4.3) - restriction: >= netstandard1.3
    NETStandard.Library (1.6.1) - restriction: >= netstandard1.3
      Microsoft.NETCore.Platforms (>= 1.1) - restriction: >= netstandard1.0
      Microsoft.Win32.Primitives (>= 4.3) - restriction: >= netstandard1.3
      System.AppContext (>= 4.3) - restriction: >= netstandard1.3
      System.Collections (>= 4.3) - restriction: >= netstandard1.0
      System.Collections.Concurrent (>= 4.3) - restriction: >= netstandard1.1
      System.Console (>= 4.3) - restriction: >= netstandard1.3
      System.Diagnostics.Debug (>= 4.3) - restriction: >= netstandard1.0
      System.Diagnostics.Tools (>= 4.3) - restriction: >= netstandard1.0
      System.Diagnostics.Tracing (>= 4.3) - restriction: >= netstandard1.1
      System.Globalization (>= 4.3) - restriction: >= netstandard1.0
      System.Globalization.Calendars (>= 4.3) - restriction: >= netstandard1.3
      System.IO (>= 4.3) - restriction: >= netstandard1.0
      System.IO.Compression (>= 4.3) - restriction: >= netstandard1.1
      System.IO.Compression.ZipFile (>= 4.3) - restriction: >= netstandard1.3
      System.IO.FileSystem (>= 4.3) - restriction: >= netstandard1.3
      System.IO.FileSystem.Primitives (>= 4.3) - restriction: >= netstandard1.3
      System.Linq (>= 4.3) - restriction: >= netstandard1.0
      System.Linq.Expressions (>= 4.3) - restriction: >= netstandard1.0
      System.Net.Http (>= 4.3) - restriction: >= netstandard1.1
      System.Net.Primitives (>= 4.3) - restriction: >= netstandard1.0
      System.Net.Sockets (>= 4.3) - restriction: >= netstandard1.3
      System.ObjectModel (>= 4.3) - restriction: >= netstandard1.0
      System.Reflection (>= 4.3) - restriction: >= netstandard1.0
      System.Reflection.Extensions (>= 4.3) - restriction: >= netstandard1.0
      System.Reflection.Primitives (>= 4.3) - restriction: >= netstandard1.0
      System.Resources.ResourceManager (>= 4.3) - restriction: >= netstandard1.0
      System.Runtime (>= 4.3) - restriction: >= netstandard1.0
      System.Runtime.Extensions (>= 4.3) - restriction: >= netstandard1.0
      System.Runtime.Handles (>= 4.3) - restriction: >= netstandard1.3
      System.Runtime.InteropServices (>= 4.3) - restriction: >= netstandard1.1
      System.Runtime.InteropServices.RuntimeInformation (>= 4.3) - restriction: >= netstandard1.1
      System.Runtime.Numerics (>= 4.3) - restriction: >= netstandard1.1
      System.Security.Cryptography.Algorithms (>= 4.3) - restriction: >= netstandard1.3
      System.Security.Cryptography.Encoding (>= 4.3) - restriction: >= netstandard1.3
      System.Security.Cryptography.Primitives (>= 4.3) - restriction: >= netstandard1.3
      System.Security.Cryptography.X509Certificates (>= 4.3) - restriction: >= netstandard1.3
      System.Text.Encoding (>= 4.3) - restriction: >= netstandard1.0
      System.Text.Encoding.Extensions (>= 4.3) - restriction: >= netstandard1.0
      System.Text.RegularExpressions (>= 4.3) - restriction: >= netstandard1.0
      System.Threading (>= 4.3) - restriction: >= netstandard1.0
      System.Threading.Tasks (>= 4.3) - restriction: >= netstandard1.0
      System.Threading.Timer (>= 4.3) - restriction: >= netstandard1.2
      System.Xml.ReaderWriter (>= 4.3) - restriction: >= netstandard1.0
      System.Xml.XDocument (>= 4.3) - restriction: >= netstandard1.0
    NUnit (2.6.4)
    NUnit.Runners (2.6.4)
    runtime.debian.8-x64.runtime.native.System.Security.Cryptography.OpenSsl (4.3) - restriction: >= netstandard1.3
    runtime.fedora.23-x64.runtime.native.System.Security.Cryptography.OpenSsl (4.3) - restriction: >= netstandard1.3
    runtime.fedora.24-x64.runtime.native.System.Security.Cryptography.OpenSsl (4.3) - restriction: >= netstandard1.3
    runtime.native.System (4.3) - restriction: >= netstandard1.3
      Microsoft.NETCore.Platforms (>= 1.1)
      Microsoft.NETCore.Targets (>= 1.1)
    runtime.native.System.IO.Compression (4.3) - restriction: >= netstandard1.3
      Microsoft.NETCore.Platforms (>= 1.1)
      Microsoft.NETCore.Targets (>= 1.1)
    runtime.native.System.Net.Http (4.3) - restriction: >= netstandard1.6
      Microsoft.NETCore.Platforms (>= 1.1)
      Microsoft.NETCore.Targets (>= 1.1)
    runtime.native.System.Security.Cryptography.Apple (4.3) - restriction: >= netstandard1.6
      runtime.osx.10.10-x64.runtime.native.System.Security.Cryptography.Apple (>= 4.3)
    runtime.native.System.Security.Cryptography.OpenSsl (4.3) - restriction: >= netstandard1.3
      runtime.debian.8-x64.runtime.native.System.Security.Cryptography.OpenSsl (>= 4.3)
      runtime.fedora.23-x64.runtime.native.System.Security.Cryptography.OpenSsl (>= 4.3)
      runtime.fedora.24-x64.runtime.native.System.Security.Cryptography.OpenSsl (>= 4.3)
      runtime.opensuse.13.2-x64.runtime.native.System.Security.Cryptography.OpenSsl (>= 4.3)
      runtime.opensuse.42.1-x64.runtime.native.System.Security.Cryptography.OpenSsl (>= 4.3)
      runtime.osx.10.10-x64.runtime.native.System.Security.Cryptography.OpenSsl (>= 4.3)
      runtime.rhel.7-x64.runtime.native.System.Security.Cryptography.OpenSsl (>= 4.3)
      runtime.ubuntu.14.04-x64.runtime.native.System.Security.Cryptography.OpenSsl (>= 4.3)
      runtime.ubuntu.16.04-x64.runtime.native.System.Security.Cryptography.OpenSsl (>= 4.3)
      runtime.ubuntu.16.10-x64.runtime.native.System.Security.Cryptography.OpenSsl (>= 4.3)
    runtime.opensuse.13.2-x64.runtime.native.System.Security.Cryptography.OpenSsl (4.3) - restriction: >= netstandard1.3
    runtime.opensuse.42.1-x64.runtime.native.System.Security.Cryptography.OpenSsl (4.3) - restriction: >= netstandard1.3
    runtime.osx.10.10-x64.runtime.native.System.Security.Cryptography.Apple (4.3) - restriction: >= netstandard1.6
    runtime.osx.10.10-x64.runtime.native.System.Security.Cryptography.OpenSsl (4.3) - restriction: >= netstandard1.3
    runtime.rhel.7-x64.runtime.native.System.Security.Cryptography.OpenSsl (4.3) - restriction: >= netstandard1.3
    runtime.ubuntu.14.04-x64.runtime.native.System.Security.Cryptography.OpenSsl (4.3) - restriction: >= netstandard1.3
    runtime.ubuntu.16.04-x64.runtime.native.System.Security.Cryptography.OpenSsl (4.3) - restriction: >= netstandard1.3
    runtime.ubuntu.16.10-x64.runtime.native.System.Security.Cryptography.OpenSsl (4.3) - restriction: >= netstandard1.3
    System.AppContext (4.3) - restriction: >= netstandard1.3
      System.Runtime (>= 4.3) - restriction: || (== dnxcore50) (== netstandard1.3) (>= netstandard1.6)
    System.Buffers (4.3) - restriction: >= netstandard1.3
      System.Diagnostics.Debug (>= 4.3) - restriction: >= netstandard1.1
      System.Diagnostics.Tracing (>= 4.3) - restriction: >= netstandard1.1
      System.Resources.ResourceManager (>= 4.3) - restriction: >= netstandard1.1
      System.Runtime (>= 4.3) - restriction: >= netstandard1.1
      System.Threading (>= 4.3) - restriction: >= netstandard1.1
    System.Collections (4.3) - restriction: >= netstandard1.3
      Microsoft.NETCore.Platforms (>= 1.1) - restriction: || (== dnxcore50) (== netstandard1.0) (>= netstandard1.3)
      Microsoft.NETCore.Targets (>= 1.1) - restriction: || (== dnxcore50) (== netstandard1.0) (>= netstandard1.3)
      System.Runtime (>= 4.3) - restriction: || (== dnxcore50) (== netstandard1.0) (>= netstandard1.3)
    System.Collections.Concurrent (4.3) - restriction: >= netstandard1.3
      System.Collections (>= 4.3) - restriction: || (== dnxcore50) (>= netstandard1.3)
      System.Diagnostics.Debug (>= 4.3) - restriction: || (== dnxcore50) (>= netstandard1.3)
      System.Diagnostics.Tracing (>= 4.3) - restriction: || (== dnxcore50) (>= netstandard1.3)
      System.Globalization (>= 4.3) - restriction: || (== dnxcore50) (>= netstandard1.3)
      System.Reflection (>= 4.3) - restriction: >= netstandard1.3
      System.Resources.ResourceManager (>= 4.3) - restriction: || (== dnxcore50) (>= netstandard1.3)
      System.Runtime (>= 4.3) - restriction: || (== dnxcore50) (== netstandard1.1) (>= netstandard1.3)
      System.Runtime.Extensions (>= 4.3) - restriction: || (== dnxcore50) (>= netstandard1.3)
      System.Threading (>= 4.3) - restriction: || (== dnxcore50) (>= netstandard1.3)
      System.Threading.Tasks (>= 4.3) - restriction: || (== dnxcore50) (== netstandard1.1) (>= netstandard1.3)
    System.Console (4.3) - restriction: >= netstandard1.3
      Microsoft.NETCore.Platforms (>= 1.1) - restriction: >= netstandard1.3
      Microsoft.NETCore.Targets (>= 1.1) - restriction: >= netstandard1.3
      System.IO (>= 4.3) - restriction: >= netstandard1.3
      System.Runtime (>= 4.3) - restriction: >= netstandard1.3
      System.Text.Encoding (>= 4.3) - restriction: >= netstandard1.3
    System.Diagnostics.Debug (4.3) - restriction: >= netstandard1.3
      Microsoft.NETCore.Platforms (>= 1.1) - restriction: || (== dnxcore50) (== netstandard1.0) (>= netstandard1.3)
      Microsoft.NETCore.Targets (>= 1.1) - restriction: || (== dnxcore50) (== netstandard1.0) (>= netstandard1.3)
      System.Runtime (>= 4.3) - restriction: || (== dnxcore50) (== netstandard1.0) (>= netstandard1.3)
    System.Diagnostics.DiagnosticSource (4.3) - restriction: || (== netstandard1.3) (>= netstandard1.6)
      System.Collections (>= 4.3) - restriction: || (== netstandard1.1) (>= netstandard1.3)
      System.Diagnostics.Tracing (>= 4.3) - restriction: || (== netstandard1.1) (>= netstandard1.3)
      System.Reflection (>= 4.3) - restriction: || (== netstandard1.1) (>= netstandard1.3)
      System.Runtime (>= 4.3) - restriction: || (== netstandard1.1) (>= netstandard1.3)
      System.Threading (>= 4.3) - restriction: || (== netstandard1.1) (>= netstandard1.3)
    System.Diagnostics.Tools (4.3) - restriction: >= netstandard1.3
      Microsoft.NETCore.Platforms (>= 1.1) - restriction: || (== dnxcore50) (>= netstandard1.0)
      Microsoft.NETCore.Targets (>= 1.1) - restriction: || (== dnxcore50) (>= netstandard1.0)
      System.Runtime (>= 4.3) - restriction: || (== dnxcore50) (>= netstandard1.0)
    System.Diagnostics.Tracing (4.3) - restriction: >= netstandard1.3
      Microsoft.NETCore.Platforms (>= 1.1) - restriction: || (== dnxcore50) (== netstandard1.1) (== netstandard1.2) (== netstandard1.3) (>= netstandard1.5)
      Microsoft.NETCore.Targets (>= 1.1) - restriction: || (== dnxcore50) (== netstandard1.1) (== netstandard1.2) (== netstandard1.3) (>= netstandard1.5)
      System.Runtime (>= 4.3) - restriction: || (== dnxcore50) (== netstandard1.1) (== netstandard1.2) (== netstandard1.3) (>= netstandard1.5)
    System.Globalization (4.3) - restriction: >= netstandard1.3
      Microsoft.NETCore.Platforms (>= 1.1) - restriction: || (== dnxcore50) (== netstandard1.0) (>= netstandard1.3)
      Microsoft.NETCore.Targets (>= 1.1) - restriction: || (== dnxcore50) (== netstandard1.0) (>= netstandard1.3)
      System.Runtime (>= 4.3) - restriction: || (== dnxcore50) (== netstandard1.0) (>= netstandard1.3)
    System.Globalization.Calendars (4.3) - restriction: >= netstandard1.3
      Microsoft.NETCore.Platforms (>= 1.1) - restriction: >= netstandard1.3
      Microsoft.NETCore.Targets (>= 1.1) - restriction: >= netstandard1.3
      System.Globalization (>= 4.3) - restriction: >= netstandard1.3
      System.Runtime (>= 4.3) - restriction: >= netstandard1.3
    System.Globalization.Extensions (4.3) - restriction: >= netstandard1.6
      Microsoft.NETCore.Platforms (>= 1.1) - restriction: >= netstandard1.3
      System.Globalization (>= 4.3) - restriction: >= netstandard1.3
      System.Resources.ResourceManager (>= 4.3) - restriction: >= netstandard1.3
      System.Runtime (>= 4.3) - restriction: >= netstandard1.3
      System.Runtime.Extensions (>= 4.3) - restriction: >= netstandard1.3
      System.Runtime.InteropServices (>= 4.3) - restriction: >= netstandard1.3
    System.IO (4.3) - restriction: >= netstandard1.3
      Microsoft.NETCore.Platforms (>= 1.1) - restriction: || (== dnxcore50) (== netstandard1.0) (== netstandard1.3) (>= netstandard1.5)
      Microsoft.NETCore.Targets (>= 1.1) - restriction: || (== dnxcore50) (== netstandard1.0) (== netstandard1.3) (>= netstandard1.5)
      System.Runtime (>= 4.3) - restriction: || (== dnxcore50) (== netstandard1.0) (== netstandard1.3) (>= netstandard1.5)
      System.Text.Encoding (>= 4.3) - restriction: || (== dnxcore50) (== netstandard1.0) (== netstandard1.3) (>= netstandard1.5)
      System.Threading.Tasks (>= 4.3) - restriction: || (== dnxcore50) (== netstandard1.0) (== netstandard1.3) (>= netstandard1.5)
    System.IO.Compression (4.3) - restriction: >= netstandard1.3
      Microsoft.NETCore.Platforms (>= 1.1) - restriction: >= netstandard1.3
      runtime.native.System (>= 4.3) - restriction: >= netstandard1.3
      runtime.native.System.IO.Compression (>= 4.3) - restriction: || (== dnxcore50) (>= netstandard1.3)
      System.Buffers (>= 4.3) - restriction: || (== dnxcore50) (>= netstandard1.3)
      System.Collections (>= 4.3) - restriction: || (== dnxcore50) (>= netstandard1.3)
      System.Diagnostics.Debug (>= 4.3) - restriction: || (== dnxcore50) (>= netstandard1.3)
      System.IO (>= 4.3) - restriction: || (== dnxcore50) (== netstandard1.1) (>= netstandard1.3)
      System.Resources.ResourceManager (>= 4.3) - restriction: || (== dnxcore50) (>= netstandard1.3)
      System.Runtime (>= 4.3) - restriction: || (== dnxcore50) (== netstandard1.1) (>= netstandard1.3)
      System.Runtime.Extensions (>= 4.3) - restriction: || (== dnxcore50) (>= netstandard1.3)
      System.Runtime.Handles (>= 4.3) - restriction: || (== dnxcore50) (>= netstandard1.3)
      System.Runtime.InteropServices (>= 4.3) - restriction: || (== dnxcore50) (>= netstandard1.3)
      System.Text.Encoding (>= 4.3) - restriction: || (== dnxcore50) (== netstandard1.1) (>= netstandard1.3)
      System.Threading (>= 4.3) - restriction: || (== dnxcore50) (>= netstandard1.3)
      System.Threading.Tasks (>= 4.3) - restriction: || (== dnxcore50) (>= netstandard1.3)
    System.IO.Compression.ZipFile (4.3) - restriction: >= netstandard1.3
      System.Buffers (>= 4.3) - restriction: >= netstandard1.3
      System.IO (>= 4.3) - restriction: >= netstandard1.3
      System.IO.Compression (>= 4.3) - restriction: >= netstandard1.3
      System.IO.FileSystem (>= 4.3) - restriction: >= netstandard1.3
      System.IO.FileSystem.Primitives (>= 4.3) - restriction: >= netstandard1.3
      System.Resources.ResourceManager (>= 4.3) - restriction: >= netstandard1.3
      System.Runtime (>= 4.3) - restriction: >= netstandard1.3
      System.Runtime.Extensions (>= 4.3) - restriction: >= netstandard1.3
      System.Text.Encoding (>= 4.3) - restriction: >= netstandard1.3
    System.IO.FileSystem (4.3) - restriction: >= netstandard1.3
      Microsoft.NETCore.Platforms (>= 1.1) - restriction: >= netstandard1.3
      Microsoft.NETCore.Targets (>= 1.1) - restriction: >= netstandard1.3
      System.IO (>= 4.3) - restriction: >= netstandard1.3
      System.IO.FileSystem.Primitives (>= 4.3) - restriction: >= netstandard1.3
      System.Runtime (>= 4.3) - restriction: >= netstandard1.3
      System.Runtime.Handles (>= 4.3) - restriction: >= netstandard1.3
      System.Text.Encoding (>= 4.3) - restriction: >= netstandard1.3
      System.Threading.Tasks (>= 4.3) - restriction: >= netstandard1.3
    System.IO.FileSystem.Primitives (4.3) - restriction: >= netstandard1.3
      System.Runtime (>= 4.3) - restriction: >= netstandard1.3
    System.Linq (4.3) - restriction: >= netstandard1.3
      System.Collections (>= 4.3) - restriction: || (== dnxcore50) (== netstandard1.0) (>= netstandard1.6)
      System.Diagnostics.Debug (>= 4.3) - restriction: || (== dnxcore50) (>= netstandard1.6)
      System.Resources.ResourceManager (>= 4.3) - restriction: || (== dnxcore50) (>= netstandard1.6)
      System.Runtime (>= 4.3) - restriction: || (== dnxcore50) (== netstandard1.0) (>= netstandard1.6)
      System.Runtime.Extensions (>= 4.3) - restriction: || (== dnxcore50) (>= netstandard1.6)
    System.Linq.Expressions (4.3) - restriction: >= netstandard1.3
      System.Collections (>= 4.3) - restriction: || (== dnxcore50) (>= netstandard1.6)
      System.Diagnostics.Debug (>= 4.3) - restriction: || (== dnxcore50) (>= netstandard1.6)
      System.Globalization (>= 4.3) - restriction: || (== dnxcore50) (>= netstandard1.6)
      System.IO (>= 4.3) - restriction: || (== dnxcore50) (>= netstandard1.6)
      System.Linq (>= 4.3) - restriction: || (== dnxcore50) (>= netstandard1.6)
      System.ObjectModel (>= 4.3) - restriction: >= netstandard1.6
      System.Reflection (>= 4.3) - restriction: || (== dnxcore50) (== netstandard1.0) (== netstandard1.3) (>= netstandard1.6)
      System.Reflection.Emit (>= 4.3) - restriction: >= netstandard1.6
      System.Reflection.Emit.ILGeneration (>= 4.3) - restriction: || (== dnxcore50) (>= netstandard1.6)
      System.Reflection.Emit.Lightweight (>= 4.3) - restriction: || (== dnxcore50) (>= netstandard1.6)
      System.Reflection.Extensions (>= 4.3) - restriction: || (== dnxcore50) (>= netstandard1.6)
      System.Reflection.Primitives (>= 4.3) - restriction: || (== dnxcore50) (>= netstandard1.6)
      System.Reflection.TypeExtensions (>= 4.3) - restriction: || (== dnxcore50) (>= netstandard1.6)
      System.Resources.ResourceManager (>= 4.3) - restriction: || (== dnxcore50) (>= netstandard1.6)
      System.Runtime (>= 4.3) - restriction: || (== dnxcore50) (== netstandard1.0) (== netstandard1.3) (>= netstandard1.6)
      System.Runtime.Extensions (>= 4.3) - restriction: || (== dnxcore50) (>= netstandard1.6)
      System.Threading (>= 4.3) - restriction: || (== dnxcore50) (>= netstandard1.6)
    System.Net.Http (4.3) - restriction: >= netstandard1.3
      Microsoft.NETCore.Platforms (>= 1.1) - restriction: || (== dnxcore50) (== netstandard1.3) (>= netstandard1.6)
      Microsoft.Win32.Primitives (>= 4.3) - restriction: == netstandard1.3
      runtime.native.System (>= 4.3) - restriction: >= netstandard1.6
      runtime.native.System.Net.Http (>= 4.3) - restriction: >= netstandard1.6
      runtime.native.System.Security.Cryptography.OpenSsl (>= 4.3) - restriction: >= netstandard1.6
      System.Collections (>= 4.3) - restriction: || (== dnxcore50) (== netstandard1.3) (>= netstandard1.6)
      System.Diagnostics.Debug (>= 4.3) - restriction: || (== dnxcore50) (== netstandard1.3) (>= netstandard1.6)
      System.Diagnostics.DiagnosticSource (>= 4.3) - restriction: || (== dnxcore50) (== netstandard1.3) (>= net46) (>= netstandard1.6)
      System.Diagnostics.Tracing (>= 4.3) - restriction: || (== dnxcore50) (== netstandard1.3) (>= netstandard1.6)
      System.Globalization (>= 4.3) - restriction: || (== dnxcore50) (== netstandard1.3) (>= netstandard1.6)
      System.Globalization.Extensions (>= 4.3) - restriction: >= netstandard1.6
      System.IO (>= 4.3) - restriction: || (== dnxcore50) (== netstandard1.1) (== netstandard1.3) (>= netstandard1.6)
      System.IO.Compression (>= 4.3) - restriction: == netstandard1.3
      System.IO.FileSystem (>= 4.3) - restriction: >= netstandard1.6
      System.Net.Primitives (>= 4.3) - restriction: || (== dnxcore50) (== netstandard1.1) (== netstandard1.3) (>= netstandard1.6)
      System.Resources.ResourceManager (>= 4.3) - restriction: || (== dnxcore50) (== netstandard1.3) (>= netstandard1.6)
      System.Runtime (>= 4.3) - restriction: || (== dnxcore50) (== netstandard1.1) (== netstandard1.3) (>= netstandard1.6)
      System.Runtime.Extensions (>= 4.3) - restriction: || (== dnxcore50) (== netstandard1.3) (>= netstandard1.6)
      System.Runtime.Handles (>= 4.3) - restriction: || (== netstandard1.3) (>= netstandard1.6)
      System.Runtime.InteropServices (>= 4.3) - restriction: || (== dnxcore50) (== netstandard1.3) (>= netstandard1.6)
      System.Security.Cryptography.Algorithms (>= 4.3) - restriction: >= netstandard1.6
      System.Security.Cryptography.Encoding (>= 4.3) - restriction: >= netstandard1.6
      System.Security.Cryptography.OpenSsl (>= 4.3) - restriction: >= netstandard1.6
      System.Security.Cryptography.Primitives (>= 4.3) - restriction: >= netstandard1.6
      System.Security.Cryptography.X509Certificates (>= 4.3) - restriction: || (== dnxcore50) (== netstandard1.3) (>= net46) (>= netstandard1.6)
      System.Text.Encoding (>= 4.3) - restriction: || (== dnxcore50) (== netstandard1.1) (== netstandard1.3) (>= netstandard1.6)
      System.Threading (>= 4.3) - restriction: || (== dnxcore50) (== netstandard1.3) (>= netstandard1.6)
      System.Threading.Tasks (>= 4.3) - restriction: || (== dnxcore50) (== netstandard1.1) (== netstandard1.3) (>= netstandard1.6)
    System.Net.Primitives (4.3) - restriction: >= netstandard1.3
      Microsoft.NETCore.Platforms (>= 1.1) - restriction: || (== dnxcore50) (== netstandard1.0) (== netstandard1.1) (>= netstandard1.3)
      Microsoft.NETCore.Targets (>= 1.1) - restriction: || (== dnxcore50) (== netstandard1.0) (== netstandard1.1) (>= netstandard1.3)
      System.Runtime (>= 4.3) - restriction: || (== dnxcore50) (== netstandard1.0) (== netstandard1.1) (>= netstandard1.3)
      System.Runtime.Handles (>= 4.3) - restriction: || (== dnxcore50) (>= netstandard1.3)
    System.Net.Sockets (4.3) - restriction: >= netstandard1.3
      Microsoft.NETCore.Platforms (>= 1.1) - restriction: >= netstandard1.3
      Microsoft.NETCore.Targets (>= 1.1) - restriction: >= netstandard1.3
      System.IO (>= 4.3) - restriction: >= netstandard1.3
      System.Net.Primitives (>= 4.3) - restriction: >= netstandard1.3
      System.Runtime (>= 4.3) - restriction: >= netstandard1.3
      System.Threading.Tasks (>= 4.3) - restriction: >= netstandard1.3
    System.ObjectModel (4.3) - restriction: >= netstandard1.3
      System.Collections (>= 4.3) - restriction: || (== dnxcore50) (>= netstandard1.3)
      System.Diagnostics.Debug (>= 4.3) - restriction: || (== dnxcore50) (>= netstandard1.3)
      System.Resources.ResourceManager (>= 4.3) - restriction: || (== dnxcore50) (>= netstandard1.3)
      System.Runtime (>= 4.3) - restriction: || (== dnxcore50) (== netstandard1.0) (>= netstandard1.3)
      System.Threading (>= 4.3) - restriction: || (== dnxcore50) (>= netstandard1.3)
    System.Private.DataContractSerialization (4.3) - restriction: >= netstandard1.5
      System.Collections (>= 4.3) - restriction: || (== dnxcore50) (>= netstandard1.3)
      System.Collections.Concurrent (>= 4.3) - restriction: || (== dnxcore50) (>= netstandard1.3)
      System.Diagnostics.Debug (>= 4.3) - restriction: || (== dnxcore50) (>= netstandard1.3)
      System.Globalization (>= 4.3) - restriction: || (== dnxcore50) (>= netstandard1.3)
      System.IO (>= 4.3) - restriction: || (== dnxcore50) (>= netstandard1.3)
      System.Linq (>= 4.3) - restriction: || (== dnxcore50) (>= netstandard1.3)
      System.Reflection (>= 4.3) - restriction: || (== dnxcore50) (>= netstandard1.3)
      System.Reflection.Emit.ILGeneration (>= 4.3) - restriction: >= netstandard1.3
      System.Reflection.Emit.Lightweight (>= 4.3) - restriction: >= netstandard1.3
      System.Reflection.Extensions (>= 4.3) - restriction: || (== dnxcore50) (>= netstandard1.3)
      System.Reflection.Primitives (>= 4.3) - restriction: || (== dnxcore50) (>= netstandard1.3)
      System.Reflection.TypeExtensions (>= 4.3) - restriction: || (== dnxcore50) (>= netstandard1.3)
      System.Resources.ResourceManager (>= 4.3) - restriction: || (== dnxcore50) (>= netstandard1.3)
      System.Runtime (>= 4.3) - restriction: || (== dnxcore50) (>= netstandard1.3)
      System.Runtime.Extensions (>= 4.3) - restriction: || (== dnxcore50) (>= netstandard1.3)
      System.Runtime.Serialization.Primitives (>= 4.3) - restriction: || (== dnxcore50) (>= netstandard1.3)
      System.Text.Encoding (>= 4.3) - restriction: || (== dnxcore50) (>= netstandard1.3)
      System.Text.Encoding.Extensions (>= 4.3) - restriction: || (== dnxcore50) (>= netstandard1.3)
      System.Text.RegularExpressions (>= 4.3) - restriction: || (== dnxcore50) (>= netstandard1.3)
      System.Threading (>= 4.3) - restriction: || (== dnxcore50) (>= netstandard1.3)
      System.Threading.Tasks (>= 4.3) - restriction: || (== dnxcore50) (>= netstandard1.3)
      System.Xml.ReaderWriter (>= 4.3) - restriction: || (== dnxcore50) (>= netstandard1.3)
      System.Xml.XDocument (>= 4.3) - restriction: || (== dnxcore50) (>= netstandard1.3)
      System.Xml.XmlDocument (>= 4.3) - restriction: || (== dnxcore50) (>= netstandard1.3)
      System.Xml.XmlSerializer (>= 4.3) - restriction: || (== dnxcore50) (>= netstandard1.3)
    System.Reflection (4.3) - restriction: >= netstandard1.3
      Microsoft.NETCore.Platforms (>= 1.1) - restriction: || (== dnxcore50) (== netstandard1.0) (== netstandard1.3) (>= netstandard1.5)
      Microsoft.NETCore.Targets (>= 1.1) - restriction: || (== dnxcore50) (== netstandard1.0) (== netstandard1.3) (>= netstandard1.5)
      System.IO (>= 4.3) - restriction: || (== dnxcore50) (== netstandard1.0) (== netstandard1.3) (>= netstandard1.5)
      System.Reflection.Primitives (>= 4.3) - restriction: || (== dnxcore50) (== netstandard1.0) (== netstandard1.3) (>= netstandard1.5)
      System.Runtime (>= 4.3) - restriction: || (== dnxcore50) (== netstandard1.0) (== netstandard1.3) (>= netstandard1.5)
    System.Reflection.Emit (4.3) - restriction: >= netstandard1.5
      System.IO (>= 4.3) - restriction: >= netstandard1.1
      System.Reflection (>= 4.3) - restriction: >= netstandard1.1
      System.Reflection.Emit.ILGeneration (>= 4.3) - restriction: >= netstandard1.1
      System.Reflection.Primitives (>= 4.3) - restriction: >= netstandard1.1
      System.Runtime (>= 4.3) - restriction: >= netstandard1.1
    System.Reflection.Emit.ILGeneration (4.3) - restriction: >= netstandard1.5
      System.Reflection (>= 4.3) - restriction: >= netstandard1.0
      System.Reflection.Primitives (>= 4.3) - restriction: >= netstandard1.0
      System.Runtime (>= 4.3) - restriction: >= netstandard1.0
    System.Reflection.Emit.Lightweight (4.3) - restriction: >= netstandard1.5
      System.Reflection (>= 4.3) - restriction: >= netstandard1.0
      System.Reflection.Emit.ILGeneration (>= 4.3) - restriction: >= netstandard1.0
      System.Reflection.Primitives (>= 4.3) - restriction: >= netstandard1.0
      System.Runtime (>= 4.3) - restriction: >= netstandard1.0
    System.Reflection.Extensions (4.3) - restriction: >= netstandard1.3
      Microsoft.NETCore.Platforms (>= 1.1) - restriction: || (== dnxcore50) (>= netstandard1.0)
      Microsoft.NETCore.Targets (>= 1.1) - restriction: || (== dnxcore50) (>= netstandard1.0)
      System.Reflection (>= 4.3) - restriction: || (== dnxcore50) (>= netstandard1.0)
      System.Runtime (>= 4.3) - restriction: || (== dnxcore50) (>= netstandard1.0)
    System.Reflection.Primitives (4.3) - restriction: >= netstandard1.3
      Microsoft.NETCore.Platforms (>= 1.1) - restriction: || (== dnxcore50) (>= netstandard1.0)
      Microsoft.NETCore.Targets (>= 1.1) - restriction: || (== dnxcore50) (>= netstandard1.0)
      System.Runtime (>= 4.3) - restriction: || (== dnxcore50) (>= netstandard1.0)
    System.Reflection.TypeExtensions (4.3) - restriction: >= netstandard1.3
      System.Reflection (>= 4.3) - restriction: || (== dnxcore50) (== netstandard1.3) (>= netstandard1.5)
      System.Runtime (>= 4.3) - restriction: || (== dnxcore50) (== netstandard1.3) (>= netstandard1.5)
    System.Resources.ResourceManager (4.3) - restriction: >= netstandard1.3
      Microsoft.NETCore.Platforms (>= 1.1) - restriction: || (== dnxcore50) (>= netstandard1.0)
      Microsoft.NETCore.Targets (>= 1.1) - restriction: || (== dnxcore50) (>= netstandard1.0)
      System.Globalization (>= 4.3) - restriction: || (== dnxcore50) (>= netstandard1.0)
      System.Reflection (>= 4.3) - restriction: || (== dnxcore50) (>= netstandard1.0)
      System.Runtime (>= 4.3) - restriction: || (== dnxcore50) (>= netstandard1.0)
    System.Runtime (4.3) - restriction: >= netstandard1.3
      Microsoft.NETCore.Platforms (>= 1.1) - restriction: || (== dnxcore50) (== netstandard1.0) (== netstandard1.2) (== netstandard1.3) (>= netstandard1.5)
      Microsoft.NETCore.Targets (>= 1.1) - restriction: || (== dnxcore50) (== netstandard1.0) (== netstandard1.2) (== netstandard1.3) (>= netstandard1.5)
    System.Runtime.Extensions (4.3) - restriction: >= netstandard1.3
      Microsoft.NETCore.Platforms (>= 1.1) - restriction: || (== dnxcore50) (== netstandard1.0) (== netstandard1.3) (>= netstandard1.5)
      Microsoft.NETCore.Targets (>= 1.1) - restriction: || (== dnxcore50) (== netstandard1.0) (== netstandard1.3) (>= netstandard1.5)
      System.Runtime (>= 4.3) - restriction: || (== dnxcore50) (== netstandard1.0) (== netstandard1.3) (>= netstandard1.5)
    System.Runtime.Handles (4.3) - restriction: >= netstandard1.3
      Microsoft.NETCore.Platforms (>= 1.1) - restriction: >= netstandard1.3
      Microsoft.NETCore.Targets (>= 1.1) - restriction: >= netstandard1.3
      System.Runtime (>= 4.3) - restriction: >= netstandard1.3
    System.Runtime.InteropServices (4.3) - restriction: >= netstandard1.3
      Microsoft.NETCore.Platforms (>= 1.1) - restriction: || (== dnxcore50) (== netstandard1.1) (== netstandard1.2) (== netstandard1.3) (>= netstandard1.5)
      Microsoft.NETCore.Targets (>= 1.1) - restriction: || (== dnxcore50) (== netstandard1.1) (== netstandard1.2) (== netstandard1.3) (>= netstandard1.5)
      System.Reflection (>= 4.3) - restriction: || (== dnxcore50) (== netstandard1.1) (== netstandard1.2) (== netstandard1.3) (>= netstandard1.5)
      System.Reflection.Primitives (>= 4.3) - restriction: || (== dnxcore50) (== netstandard1.1) (== netstandard1.2) (== netstandard1.3) (>= netstandard1.5)
      System.Runtime (>= 4.3) - restriction: || (== dnxcore50) (== netstandard1.1) (== netstandard1.2) (== netstandard1.3) (>= netstandard1.5)
      System.Runtime.Handles (>= 4.3) - restriction: || (== dnxcore50) (== netstandard1.3) (>= netstandard1.5)
    System.Runtime.InteropServices.RuntimeInformation (4.3) - restriction: >= netstandard1.3
      runtime.native.System (>= 4.3) - restriction: >= netstandard1.1
      System.Reflection (>= 4.3) - restriction: || (== dnxcore50) (>= netstandard1.1)
      System.Reflection.Extensions (>= 4.3) - restriction: || (== dnxcore50) (>= netstandard1.1)
      System.Resources.ResourceManager (>= 4.3) - restriction: || (== dnxcore50) (>= netstandard1.1)
      System.Runtime (>= 4.3) - restriction: || (== dnxcore50) (>= netstandard1.1)
      System.Runtime.InteropServices (>= 4.3) - restriction: >= netstandard1.1
      System.Threading (>= 4.3) - restriction: || (== dnxcore50) (>= netstandard1.1)
    System.Runtime.Loader (4.3) - restriction: >= netstandard1.5
      System.IO (>= 4.3) - restriction: >= netstandard1.5
      System.Reflection (>= 4.3) - restriction: >= netstandard1.5
      System.Runtime (>= 4.3) - restriction: >= netstandard1.5
    System.Runtime.Numerics (4.3) - restriction: >= netstandard1.3
      System.Globalization (>= 4.3) - restriction: || (== dnxcore50) (>= netstandard1.3)
      System.Resources.ResourceManager (>= 4.3) - restriction: || (== dnxcore50) (>= netstandard1.3)
      System.Runtime (>= 4.3) - restriction: || (== dnxcore50) (== netstandard1.1) (>= netstandard1.3)
      System.Runtime.Extensions (>= 4.3) - restriction: || (== dnxcore50) (>= netstandard1.3)
    System.Runtime.Serialization.Json (4.3) - restriction: >= netstandard1.5
      System.IO (>= 4.3) - restriction: || (== dnxcore50) (== netstandard1.0) (>= netstandard1.3)
      System.Private.DataContractSerialization (>= 4.3) - restriction: || (== dnxcore50) (>= netstandard1.3)
      System.Runtime (>= 4.3) - restriction: || (== dnxcore50) (== netstandard1.0) (>= netstandard1.3)
    System.Runtime.Serialization.Primitives (4.3) - restriction: >= netstandard1.5
      System.Resources.ResourceManager (>= 4.3) - restriction: || (== dnxcore50) (>= netstandard1.3)
      System.Runtime (>= 4.3) - restriction: || (== dnxcore50) (== netstandard1.0) (>= netstandard1.3)
    System.Security.Cryptography.Algorithms (4.3) - restriction: >= netstandard1.3
      Microsoft.NETCore.Platforms (>= 1.1) - restriction: || (== dnxcore50) (>= netstandard1.6)
      runtime.native.System.Security.Cryptography.Apple (>= 4.3) - restriction: >= netstandard1.6
      runtime.native.System.Security.Cryptography.OpenSsl (>= 4.3) - restriction: >= netstandard1.6
      System.Collections (>= 4.3) - restriction: >= netstandard1.6
      System.IO (>= 4.3) - restriction: || (== dnxcore50) (== netstandard1.3) (== netstandard1.4) (>= net463) (>= netstandard1.6)
      System.Resources.ResourceManager (>= 4.3) - restriction: || (== dnxcore50) (>= netstandard1.6)
      System.Runtime (>= 4.3) - restriction: || (== dnxcore50) (== netstandard1.3) (== netstandard1.4) (>= net463) (>= netstandard1.6)
      System.Runtime.Extensions (>= 4.3) - restriction: || (== dnxcore50) (>= netstandard1.6)
      System.Runtime.Handles (>= 4.3) - restriction: || (== dnxcore50) (>= netstandard1.6)
      System.Runtime.InteropServices (>= 4.3) - restriction: || (== dnxcore50) (>= netstandard1.6)
      System.Runtime.Numerics (>= 4.3) - restriction: >= netstandard1.6
      System.Security.Cryptography.Encoding (>= 4.3) - restriction: || (== dnxcore50) (>= net463) (>= netstandard1.6)
      System.Security.Cryptography.Primitives (>= 4.3) - restriction: || (== net46) (== net461) (== dnxcore50) (== netstandard1.3) (== netstandard1.4) (>= net463) (>= netstandard1.6)
      System.Text.Encoding (>= 4.3) - restriction: || (== dnxcore50) (>= netstandard1.6)
    System.Security.Cryptography.Cng (4.3) - restriction: >= netstandard1.6
      Microsoft.NETCore.Platforms (>= 1.1) - restriction: || (== netstandard1.4) (>= netstandard1.6)
      System.IO (>= 4.3) - restriction: || (== netstandard1.3) (== netstandard1.4) (>= netstandard1.6)
      System.Resources.ResourceManager (>= 4.3) - restriction: || (== netstandard1.4) (>= netstandard1.6)
      System.Runtime (>= 4.3) - restriction: || (== netstandard1.3) (== netstandard1.4) (>= netstandard1.6)
      System.Runtime.Extensions (>= 4.3) - restriction: || (== netstandard1.4) (>= netstandard1.6)
      System.Runtime.Handles (>= 4.3) - restriction: || (== netstandard1.3) (== netstandard1.4) (>= netstandard1.6)
      System.Runtime.InteropServices (>= 4.3) - restriction: || (== netstandard1.4) (>= netstandard1.6)
      System.Security.Cryptography.Algorithms (>= 4.3) - restriction: || (== net46) (== net461) (== netstandard1.3) (== netstandard1.4) (>= net463) (>= netstandard1.6)
      System.Security.Cryptography.Encoding (>= 4.3) - restriction: || (== netstandard1.4) (>= netstandard1.6)
      System.Security.Cryptography.Primitives (>= 4.3) - restriction: || (== net46) (== net461) (== netstandard1.3) (== netstandard1.4) (>= net463) (>= netstandard1.6)
      System.Text.Encoding (>= 4.3) - restriction: || (== netstandard1.4) (>= netstandard1.6)
    System.Security.Cryptography.Csp (4.3) - restriction: >= netstandard1.6
      Microsoft.NETCore.Platforms (>= 1.1) - restriction: >= netstandard1.3
      System.IO (>= 4.3) - restriction: >= netstandard1.3
      System.Reflection (>= 4.3) - restriction: >= netstandard1.3
      System.Resources.ResourceManager (>= 4.3) - restriction: >= netstandard1.3
      System.Runtime (>= 4.3) - restriction: >= netstandard1.3
      System.Runtime.Extensions (>= 4.3) - restriction: >= netstandard1.3
      System.Runtime.Handles (>= 4.3) - restriction: >= netstandard1.3
      System.Runtime.InteropServices (>= 4.3) - restriction: >= netstandard1.3
      System.Security.Cryptography.Algorithms (>= 4.3) - restriction: >= netstandard1.3
      System.Security.Cryptography.Encoding (>= 4.3) - restriction: >= netstandard1.3
      System.Security.Cryptography.Primitives (>= 4.3) - restriction: >= netstandard1.3
      System.Text.Encoding (>= 4.3) - restriction: >= netstandard1.3
      System.Threading (>= 4.3) - restriction: >= netstandard1.3
    System.Security.Cryptography.Encoding (4.3) - restriction: >= netstandard1.3
      Microsoft.NETCore.Platforms (>= 1.1) - restriction: >= netstandard1.3
      runtime.native.System.Security.Cryptography.OpenSsl (>= 4.3) - restriction: >= netstandard1.3
      System.Collections (>= 4.3) - restriction: >= netstandard1.3
      System.Collections.Concurrent (>= 4.3) - restriction: >= netstandard1.3
      System.Linq (>= 4.3) - restriction: >= netstandard1.3
      System.Resources.ResourceManager (>= 4.3) - restriction: >= netstandard1.3
      System.Runtime (>= 4.3) - restriction: >= netstandard1.3
      System.Runtime.Extensions (>= 4.3) - restriction: >= netstandard1.3
      System.Runtime.Handles (>= 4.3) - restriction: >= netstandard1.3
      System.Runtime.InteropServices (>= 4.3) - restriction: >= netstandard1.3
      System.Security.Cryptography.Primitives (>= 4.3) - restriction: >= netstandard1.3
      System.Text.Encoding (>= 4.3) - restriction: >= netstandard1.3
    System.Security.Cryptography.OpenSsl (4.3) - restriction: >= netstandard1.6
      runtime.native.System.Security.Cryptography.OpenSsl (>= 4.3) - restriction: || (== monoandroid) (>= net463) (>= netstandard1.6)
      System.Collections (>= 4.3) - restriction: >= netstandard1.6
      System.IO (>= 4.3) - restriction: || (>= net463) (>= netstandard1.6)
      System.Resources.ResourceManager (>= 4.3) - restriction: >= netstandard1.6
      System.Runtime (>= 4.3) - restriction: || (>= net463) (>= netstandard1.6)
      System.Runtime.Extensions (>= 4.3) - restriction: || (>= net463) (>= netstandard1.6)
      System.Runtime.Handles (>= 4.3) - restriction: >= netstandard1.6
      System.Runtime.InteropServices (>= 4.3) - restriction: >= netstandard1.6
      System.Runtime.Numerics (>= 4.3) - restriction: >= netstandard1.6
      System.Security.Cryptography.Algorithms (>= 4.3) - restriction: || (>= net463) (>= netstandard1.6)
      System.Security.Cryptography.Encoding (>= 4.3) - restriction: || (>= net463) (>= netstandard1.6)
      System.Security.Cryptography.Primitives (>= 4.3) - restriction: || (>= net463) (>= netstandard1.6)
      System.Text.Encoding (>= 4.3) - restriction: >= netstandard1.6
    System.Security.Cryptography.Primitives (4.3) - restriction: >= netstandard1.3
      System.Diagnostics.Debug (>= 4.3) - restriction: >= netstandard1.3
      System.Globalization (>= 4.3) - restriction: >= netstandard1.3
      System.IO (>= 4.3) - restriction: >= netstandard1.3
      System.Resources.ResourceManager (>= 4.3) - restriction: >= netstandard1.3
      System.Runtime (>= 4.3) - restriction: >= netstandard1.3
      System.Threading (>= 4.3) - restriction: >= netstandard1.3
      System.Threading.Tasks (>= 4.3) - restriction: >= netstandard1.3
    System.Security.Cryptography.X509Certificates (4.3) - restriction: >= netstandard1.3
      Microsoft.NETCore.Platforms (>= 1.1) - restriction: || (== dnxcore50) (>= netstandard1.6)
      runtime.native.System (>= 4.3) - restriction: >= netstandard1.6
      runtime.native.System.Net.Http (>= 4.3) - restriction: >= netstandard1.6
      runtime.native.System.Security.Cryptography.OpenSsl (>= 4.3) - restriction: >= netstandard1.6
      System.Collections (>= 4.3) - restriction: || (== dnxcore50) (>= netstandard1.6)
      System.Diagnostics.Debug (>= 4.3) - restriction: >= netstandard1.6
      System.Globalization (>= 4.3) - restriction: || (== dnxcore50) (>= netstandard1.6)
      System.Globalization.Calendars (>= 4.3) - restriction: || (== dnxcore50) (>= netstandard1.6)
      System.IO (>= 4.3) - restriction: || (== dnxcore50) (>= netstandard1.6)
      System.IO.FileSystem (>= 4.3) - restriction: || (== dnxcore50) (>= netstandard1.6)
      System.IO.FileSystem.Primitives (>= 4.3) - restriction: >= netstandard1.6
      System.Resources.ResourceManager (>= 4.3) - restriction: || (== dnxcore50) (>= netstandard1.6)
      System.Runtime (>= 4.3) - restriction: || (== dnxcore50) (== netstandard1.3) (== netstandard1.4) (>= netstandard1.6)
      System.Runtime.Extensions (>= 4.3) - restriction: || (== dnxcore50) (>= netstandard1.6)
      System.Runtime.Handles (>= 4.3) - restriction: || (== dnxcore50) (== netstandard1.3) (== netstandard1.4) (>= netstandard1.6)
      System.Runtime.InteropServices (>= 4.3) - restriction: || (== dnxcore50) (>= netstandard1.6)
      System.Runtime.Numerics (>= 4.3) - restriction: || (== dnxcore50) (>= netstandard1.6)
      System.Security.Cryptography.Algorithms (>= 4.3) - restriction: || (== net46) (== dnxcore50) (== netstandard1.3) (== netstandard1.4) (>= net461) (>= netstandard1.6)
      System.Security.Cryptography.Cng (>= 4.3) - restriction: || (== dnxcore50) (>= netstandard1.6)
      System.Security.Cryptography.Csp (>= 4.3) - restriction: >= netstandard1.6
      System.Security.Cryptography.Encoding (>= 4.3) - restriction: || (== net46) (== dnxcore50) (== netstandard1.3) (== netstandard1.4) (>= net461) (>= netstandard1.6)
      System.Security.Cryptography.OpenSsl (>= 4.3) - restriction: >= netstandard1.6
      System.Security.Cryptography.Primitives (>= 4.3) - restriction: || (== dnxcore50) (>= netstandard1.6)
      System.Text.Encoding (>= 4.3) - restriction: || (== dnxcore50) (>= netstandard1.6)
      System.Threading (>= 4.3) - restriction: || (== dnxcore50) (>= netstandard1.6)
    System.Text.Encoding (4.3) - restriction: >= netstandard1.3
      Microsoft.NETCore.Platforms (>= 1.1) - restriction: || (== dnxcore50) (== netstandard1.0) (>= netstandard1.3)
      Microsoft.NETCore.Targets (>= 1.1) - restriction: || (== dnxcore50) (== netstandard1.0) (>= netstandard1.3)
      System.Runtime (>= 4.3) - restriction: || (== dnxcore50) (== netstandard1.0) (>= netstandard1.3)
    System.Text.Encoding.Extensions (4.3) - restriction: >= netstandard1.3
      Microsoft.NETCore.Platforms (>= 1.1) - restriction: || (== dnxcore50) (== netstandard1.0) (>= netstandard1.3)
      Microsoft.NETCore.Targets (>= 1.1) - restriction: || (== dnxcore50) (== netstandard1.0) (>= netstandard1.3)
      System.Runtime (>= 4.3) - restriction: || (== dnxcore50) (== netstandard1.0) (>= netstandard1.3)
      System.Text.Encoding (>= 4.3) - restriction: || (== dnxcore50) (== netstandard1.0) (>= netstandard1.3)
    System.Text.RegularExpressions (4.3) - restriction: >= netstandard1.3
      System.Collections (>= 4.3) - restriction: || (== dnxcore50) (>= netstandard1.6)
      System.Globalization (>= 4.3) - restriction: || (== dnxcore50) (>= netstandard1.6)
      System.Resources.ResourceManager (>= 4.3) - restriction: || (== dnxcore50) (>= netstandard1.6)
      System.Runtime (>= 4.3) - restriction: || (== dnxcore50) (== netstandard1.0) (== netstandard1.3) (>= netstandard1.6)
      System.Runtime.Extensions (>= 4.3) - restriction: || (== dnxcore50) (>= netstandard1.6)
      System.Threading (>= 4.3) - restriction: || (== dnxcore50) (>= netstandard1.6)
    System.Threading (4.3) - restriction: >= netstandard1.3
      System.Runtime (>= 4.3) - restriction: || (== dnxcore50) (== netstandard1.0) (>= netstandard1.3)
      System.Threading.Tasks (>= 4.3) - restriction: || (== dnxcore50) (== netstandard1.0) (>= netstandard1.3)
    System.Threading.Tasks (4.3) - restriction: >= netstandard1.3
      Microsoft.NETCore.Platforms (>= 1.1) - restriction: || (== dnxcore50) (== netstandard1.0) (>= netstandard1.3)
      Microsoft.NETCore.Targets (>= 1.1) - restriction: || (== dnxcore50) (== netstandard1.0) (>= netstandard1.3)
      System.Runtime (>= 4.3) - restriction: || (== dnxcore50) (== netstandard1.0) (>= netstandard1.3)
    System.Threading.Tasks.Extensions (4.3) - restriction: >= netstandard1.3
      System.Collections (>= 4.3) - restriction: >= netstandard1.0
      System.Runtime (>= 4.3) - restriction: >= netstandard1.0
      System.Threading.Tasks (>= 4.3) - restriction: >= netstandard1.0
    System.Threading.ThreadPool (4.3) - restriction: >= netstandard1.5
      System.Runtime (>= 4.3) - restriction: >= netstandard1.3
      System.Runtime.Handles (>= 4.3) - restriction: >= netstandard1.3
    System.Threading.Timer (4.3) - restriction: >= netstandard1.3
      Microsoft.NETCore.Platforms (>= 1.1) - restriction: || (== dnxcore50) (>= netstandard1.2)
      Microsoft.NETCore.Targets (>= 1.1) - restriction: || (== dnxcore50) (>= netstandard1.2)
      System.Runtime (>= 4.3) - restriction: || (== dnxcore50) (>= netstandard1.2)
    System.Xml.ReaderWriter (4.3) - restriction: >= netstandard1.3
      System.Collections (>= 4.3) - restriction: || (== dnxcore50) (>= netstandard1.3)
      System.Diagnostics.Debug (>= 4.3) - restriction: || (== dnxcore50) (>= netstandard1.3)
      System.Globalization (>= 4.3) - restriction: || (== dnxcore50) (>= netstandard1.3)
      System.IO (>= 4.3) - restriction: || (== dnxcore50) (== netstandard1.0) (>= netstandard1.3)
      System.IO.FileSystem (>= 4.3) - restriction: || (== dnxcore50) (>= netstandard1.3)
      System.IO.FileSystem.Primitives (>= 4.3) - restriction: || (== dnxcore50) (>= netstandard1.3)
      System.Resources.ResourceManager (>= 4.3) - restriction: || (== dnxcore50) (>= netstandard1.3)
      System.Runtime (>= 4.3) - restriction: || (== dnxcore50) (== netstandard1.0) (>= netstandard1.3)
      System.Runtime.Extensions (>= 4.3) - restriction: || (== dnxcore50) (>= netstandard1.3)
      System.Runtime.InteropServices (>= 4.3) - restriction: || (== dnxcore50) (>= netstandard1.3)
      System.Text.Encoding (>= 4.3) - restriction: || (== dnxcore50) (== netstandard1.0) (>= netstandard1.3)
      System.Text.Encoding.Extensions (>= 4.3) - restriction: || (== dnxcore50) (>= netstandard1.3)
      System.Text.RegularExpressions (>= 4.3) - restriction: || (== dnxcore50) (>= netstandard1.3)
      System.Threading.Tasks (>= 4.3) - restriction: || (== dnxcore50) (== netstandard1.0) (>= netstandard1.3)
      System.Threading.Tasks.Extensions (>= 4.3) - restriction: || (== dnxcore50) (>= netstandard1.3)
    System.Xml.XDocument (4.3) - restriction: >= netstandard1.3
      System.Collections (>= 4.3) - restriction: || (== dnxcore50) (>= netstandard1.3)
      System.Diagnostics.Debug (>= 4.3) - restriction: || (== dnxcore50) (>= netstandard1.3)
      System.Diagnostics.Tools (>= 4.3) - restriction: || (== dnxcore50) (>= netstandard1.3)
      System.Globalization (>= 4.3) - restriction: || (== dnxcore50) (>= netstandard1.3)
      System.IO (>= 4.3) - restriction: || (== dnxcore50) (== netstandard1.0) (>= netstandard1.3)
      System.Reflection (>= 4.3) - restriction: || (== dnxcore50) (>= netstandard1.3)
      System.Resources.ResourceManager (>= 4.3) - restriction: || (== dnxcore50) (>= netstandard1.3)
      System.Runtime (>= 4.3) - restriction: || (== dnxcore50) (== netstandard1.0) (>= netstandard1.3)
      System.Runtime.Extensions (>= 4.3) - restriction: || (== dnxcore50) (>= netstandard1.3)
      System.Text.Encoding (>= 4.3) - restriction: || (== dnxcore50) (>= netstandard1.3)
      System.Threading (>= 4.3) - restriction: || (== dnxcore50) (>= netstandard1.3)
      System.Xml.ReaderWriter (>= 4.3) - restriction: || (== dnxcore50) (== netstandard1.0) (>= netstandard1.3)
    System.Xml.XmlDocument (4.3) - restriction: >= netstandard1.5
      System.Collections (>= 4.3) - restriction: >= netstandard1.3
      System.Diagnostics.Debug (>= 4.3) - restriction: >= netstandard1.3
      System.Globalization (>= 4.3) - restriction: >= netstandard1.3
      System.IO (>= 4.3) - restriction: >= netstandard1.3
      System.Resources.ResourceManager (>= 4.3) - restriction: >= netstandard1.3
      System.Runtime (>= 4.3) - restriction: >= netstandard1.3
      System.Runtime.Extensions (>= 4.3) - restriction: >= netstandard1.3
      System.Text.Encoding (>= 4.3) - restriction: >= netstandard1.3
      System.Threading (>= 4.3) - restriction: >= netstandard1.3
      System.Xml.ReaderWriter (>= 4.3) - restriction: >= netstandard1.3
    System.Xml.XmlSerializer (4.3) - restriction: >= netstandard1.5
      System.Collections (>= 4.3) - restriction: || (== dnxcore50) (>= netstandard1.3)
      System.Globalization (>= 4.3) - restriction: || (== dnxcore50) (>= netstandard1.3)
      System.IO (>= 4.3) - restriction: || (== dnxcore50) (== netstandard1.0) (>= netstandard1.3)
      System.Linq (>= 4.3) - restriction: || (== dnxcore50) (>= netstandard1.3)
      System.Reflection (>= 4.3) - restriction: || (== dnxcore50) (>= netstandard1.3)
      System.Reflection.Emit (>= 4.3) - restriction: || (== dnxcore50) (>= netstandard1.3)
      System.Reflection.Emit.ILGeneration (>= 4.3) - restriction: || (== dnxcore50) (>= netstandard1.3)
      System.Reflection.Extensions (>= 4.3) - restriction: || (== dnxcore50) (>= netstandard1.3)
      System.Reflection.Primitives (>= 4.3) - restriction: || (== dnxcore50) (>= netstandard1.3)
      System.Reflection.TypeExtensions (>= 4.3) - restriction: || (== dnxcore50) (>= netstandard1.3)
      System.Resources.ResourceManager (>= 4.3) - restriction: || (== dnxcore50) (>= netstandard1.3)
      System.Runtime (>= 4.3) - restriction: || (== dnxcore50) (== netstandard1.0) (>= netstandard1.3)
      System.Runtime.Extensions (>= 4.3) - restriction: || (== dnxcore50) (>= netstandard1.3)
      System.Text.RegularExpressions (>= 4.3) - restriction: || (== dnxcore50) (>= netstandard1.3)
      System.Threading (>= 4.3) - restriction: || (== dnxcore50) (>= netstandard1.3)
      System.Xml.ReaderWriter (>= 4.3) - restriction: || (== dnxcore50) (== netstandard1.0) (>= netstandard1.3)
      System.Xml.XmlDocument (>= 4.3) - restriction: || (== dnxcore50) (>= netstandard1.3)
    TestStack.BDDfy (4.3.2)
      NETStandard.Library (>= 1.6) - restriction: >= netstandard1.5
      System.AppContext (>= 4.1) - restriction: >= netstandard1.5
      System.Linq.Expressions (>= 4.1) - restriction: >= netstandard1.5
      System.Reflection (>= 4.1) - restriction: >= netstandard1.5
      System.Reflection.TypeExtensions (>= 4.1) - restriction: >= netstandard1.5
      System.Runtime.Extensions (>= 4.1) - restriction: >= netstandard1.5
      System.Runtime.Loader (>= 4.0) - restriction: >= netstandard1.5
      System.Runtime.Serialization.Json (>= 4.0.2) - restriction: >= netstandard1.5
      System.Runtime.Serialization.Primitives (>= 4.1.1) - restriction: >= netstandard1.5
      System.Text.Encoding (>= 4.0.11) - restriction: >= netstandard1.5
      System.Threading.ThreadPool (>= 4.0.10) - restriction: >= netstandard1.5
